{
  "aor": 0.0007590820980615736,
  "aqi": 0.004540837611174459,
  "bids_meta": {
    "AcquisitionMatrixPE": 64,
    "AcquisitionNumber": 1,
    "AcquisitionTime": "11:11:11.000000",
    "BandwidthPerPixelPhaseEncode": 19.531,
    "BaseResolution": 64,
    "CogAtlasID": "TODO",
    "CoilString": "C:HEA;HEP",
    "ConversionSoftware": "dcm2niix",
    "ConversionSoftwareVersion": "v1.0.20190902",
    "DerivedVendorReportedEchoSpacing": 0.00080001,
    "DeviceSerialNumber": "26099",
    "DwellTime": 5.3e-06,
    "EchoTime": 0.0548,
    "EffectiveEchoSpacing": 0.00080001,
    "FlipAngle": 75,
    "ImageType": [
      "ORIGINAL",
      "PRIMARY",
      "M",
      "MB",
      "ND",
      "MOSAIC"
    ],
    "InstitutionAddress": "Bedford_Way_26_London_London_GB_WC1H_0AP",
    "InstitutionName": "University_College",
    "InstitutionalDepartmentName": "Department",
    "MRAcquisitionType": "2D",
    "MagneticFieldStrength": 1.5,
    "Manufacturer": "Siemens",
    "ManufacturersModelName": "Avanto",
    "Modality": "MR",
    "MultibandAccelerationFactor": 4,
    "PartialFourier": 1,
    "PatientPosition": "HFS",
    "PercentPhaseFOV": 100,
    "PhaseEncodingDirection": "j-",
    "PhaseEncodingSteps": 64,
    "PhaseResolution": 1,
    "ProcedureStepDescription": "ucl_bbk_Jeremy",
    "ProtocolName": "EcL4-3.2m-40-1474-1s-55e",
    "ReceiveCoilName": "32Ch_Head",
    "ReconMatrixPE": 64,
    "RepetitionTime": 1,
    "ScanningSequence": "EP",
    "SequenceName": "epfid2d1_64",
    "SequenceVariant": "SK_SS",
    "SeriesDescription": "EcL4-3.2m-40-1474-1s-55e",
    "ShimSetting": [
      113,
      -32,
      365,
      831,
      115,
      1102,
      -476,
      23
    ],
    "SliceThickness": 3.2,
    "SoftwareVersions": "syngo_MR_B17",
    "SpacingBetweenSlices": 3.2,
    "StationName": "MRC26099",
    "TaskName": "500daysofsummer",
    "dataset": "<unset>",
    "global": {
      "const": {
        "AcquisitionMatrix": [
          64,
          0,
          0,
          64
        ],
        "AngioFlag": "N",
        "EchoNumbers": 1,
        "EchoTime": 54.8,
        "EchoTrainLength": 1,
        "FlipAngle": 75.0,
        "ImageType": [
          "ORIGINAL",
          "PRIMARY",
          "M",
          "MB",
          "ND",
          "MOSAIC"
        ],
        "InPlanePhaseEncodingDirection": "COL",
        "MRAcquisitionType": "2D",
        "MagneticFieldStrength": 1.5,
        "Manufacturer": "SIEMENS",
        "ManufacturerModelName": "Avanto",
        "Modality": "MR",
        "NumberOfAverages": 1.0,
        "NumberOfPhaseEncodingSteps": 64,
        "PercentPhaseFieldOfView": 100.0,
        "PercentSampling": 100.0,
        "PhotometricInterpretation": "MONOCHROME2",
        "PixelSpacing": [
          3.203125,
          3.203125
        ],
        "ProtocolName": "EcL4-3.2m-40-1474-1s-55e",
        "RepetitionTime": 1000.0,
        "SamplesPerPixel": 1,
        "ScanOptions": "FS",
        "ScanningSequence": "EP",
        "SequenceName": "epfid2d1_64",
        "SequenceVariant": [
          "SK",
          "SS"
        ],
        "SeriesDescription": "EcL4-3.2m-40-1474-1s-55e",
        "SoftwareVersions": "syngo MR B17",
        "StudyID": "1",
        "TransmitCoilName": "Body",
        "VariableFlipAngleFlag": "N",
        "WindowCenterWidthExplanation": "Algo1",
        "dBdt": 0.0
      },
      "slices": {}
    },
    "modality": "bold",
    "run_id": 2,
    "subject_id": "72",
    "task_id": "split"
  },
  "dummy_trs": 0,
  "dvars_nstd": 28.03717155587562,
  "dvars_std": 1.0795591457159153,
  "dvars_vstd": 77374.80400218187,
  "efc": 0.4621277904723551,
  "fber": 12064031.0,
  "fd_mean": 0.10718108145811453,
  "fd_num": 8,
  "fd_perc": 0.45610034207525657,
  "fwhm_avg": 2.6719733472446126,
  "fwhm_x": 2.4539221588103386,
  "fwhm_y": 2.8494952025373355,
  "fwhm_z": 2.712502680386163,
  "gcor": 0.0173161,
  "gsr_x": 0.015624498948454857,
  "gsr_y": 0.0057920957915484905,
  "provenance": {
    "md5sum": "2d4eb120bdc35fddcea05efc5deb6fa6",
    "settings": {
      "fd_thres": 0.5,
      "hmc_fsl": false,
      "testing": false
    },
    "software": "mriqc",
    "version": "0.15.2",
    "webapi_port": null,
    "webapi_url": "https://mriqc.nimh.nih.gov/api/v1"
  },
  "size_t": 1754,
  "size_x": 64,
  "size_y": 64,
  "size_z": 40,
  "snr": 2.8049624494796266,
  "spacing_tr": 1.0,
  "spacing_x": 3.203125238418579,
  "spacing_y": 3.203125238418579,
  "spacing_z": 3.200000524520874,
  "summary_bg_k": 62.257106380057934,
  "summary_bg_mad": 0.1542193872876814,
  "summary_bg_mean": 5.598056316375732,
  "summary_bg_median": 0.104019396007061,
  "summary_bg_n": 90891.0,
  "summary_bg_p05": 0.0,
  "summary_bg_p95": 33.57489013671875,
  "summary_bg_stdv": 24.042278289794922,
  "summary_fg_k": 0.03563656422745343,
  "summary_fg_mad": 149.2872478441472,
  "summary_fg_mean": 441.4135437011719,
  "summary_fg_median": 425.7185974121094,
  "summary_fg_n": 38425.0,
  "summary_fg_p05": 220.07721252441405,
  "summary_fg_p95": 713.3033813476561,
  "summary_fg_stdv": 151.77139282226562,
  "tsnr": 43.29402160644531
}