{
  "aor": 0.002262743566176471,
  "aqi": 0.004181382394301471,
  "bids_meta": {
    "AcquisitionMatrixPE": 64,
    "AcquisitionNumber": 1,
    "AcquisitionTime": "11:11:11.000000",
    "BandwidthPerPixelPhaseEncode": 19.531,
    "BaseResolution": 64,
    "CogAtlasID": "TODO",
    "CoilString": "C:HEA;HEP",
    "ConversionSoftware": "dcm2niix",
    "ConversionSoftwareVersion": "v1.0.20190902",
    "DerivedVendorReportedEchoSpacing": 0.00080001,
    "DeviceSerialNumber": "26099",
    "DwellTime": 5.3e-06,
    "EchoTime": 0.0548,
    "EffectiveEchoSpacing": 0.00080001,
    "FlipAngle": 75,
    "ImageType": [
      "ORIGINAL",
      "PRIMARY",
      "M",
      "MB",
      "ND",
      "MOSAIC"
    ],
    "InstitutionAddress": "Bedford_Way_26_London_London_GB_WC1H_0AP",
    "InstitutionName": "University_College",
    "InstitutionalDepartmentName": "Department",
    "MRAcquisitionType": "2D",
    "MagneticFieldStrength": 1.5,
    "Manufacturer": "Siemens",
    "ManufacturersModelName": "Avanto",
    "Modality": "MR",
    "MultibandAccelerationFactor": 4,
    "PartialFourier": 1,
    "PatientPosition": "HFS",
    "PercentPhaseFOV": 100,
    "PhaseEncodingDirection": "j-",
    "PhaseEncodingSteps": 64,
    "PhaseResolution": 1,
    "ProcedureStepDescription": "ucl_bbk_Jeremy",
    "ProtocolName": "EcL4-3.2m-40-1474-1s-55e",
    "ReceiveCoilName": "32Ch_Head",
    "ReconMatrixPE": 64,
    "RepetitionTime": 1,
    "ScanningSequence": "EP",
    "SequenceName": "epfid2d1_64",
    "SequenceVariant": "SK_SS",
    "SeriesDescription": "EcL4-3.2m-40-1474-1s-55e",
    "ShimSetting": [
      113,
      -32,
      365,
      831,
      115,
      1102,
      -476,
      23
    ],
    "SliceThickness": 3.2,
    "SoftwareVersions": "syngo_MR_B17",
    "SpacingBetweenSlices": 3.2,
    "StationName": "MRC26099",
    "TaskName": "500daysofsummer",
    "dataset": "<unset>",
    "global": {
      "const": {
        "AcquisitionMatrix": [
          64,
          0,
          0,
          64
        ],
        "AngioFlag": "N",
        "EchoNumbers": 1,
        "EchoTime": 54.8,
        "EchoTrainLength": 1,
        "FlipAngle": 75.0,
        "ImageType": [
          "ORIGINAL",
          "PRIMARY",
          "M",
          "MB",
          "ND",
          "MOSAIC"
        ],
        "InPlanePhaseEncodingDirection": "COL",
        "MRAcquisitionType": "2D",
        "MagneticFieldStrength": 1.5,
        "Manufacturer": "SIEMENS",
        "ManufacturerModelName": "Avanto",
        "Modality": "MR",
        "NumberOfAverages": 1.0,
        "NumberOfPhaseEncodingSteps": 64,
        "PercentPhaseFieldOfView": 100.0,
        "PercentSampling": 100.0,
        "PhotometricInterpretation": "MONOCHROME2",
        "PixelSpacing": [
          3.203125,
          3.203125
        ],
        "ProtocolName": "EcL4-3.2m-40-1474-1s-55e",
        "RepetitionTime": 1000.0,
        "SamplesPerPixel": 1,
        "ScanOptions": "FS",
        "ScanningSequence": "EP",
        "SequenceName": "epfid2d1_64",
        "SequenceVariant": [
          "SK",
          "SS"
        ],
        "SeriesDescription": "EcL4-3.2m-40-1474-1s-55e",
        "SoftwareVersions": "syngo MR B17",
        "StudyID": "1",
        "TransmitCoilName": "Body",
        "VariableFlipAngleFlag": "N",
        "WindowCenterWidthExplanation": "Algo1",
        "dBdt": 0.0
      },
      "slices": {}
    },
    "modality": "bold",
    "run_id": 3,
    "subject_id": "72",
    "task_id": "split"
  },
  "dummy_trs": 0,
  "dvars_nstd": 27.943050297668982,
  "dvars_std": 1.1081869476781627,
  "dvars_vstd": 4343248.515170462,
  "efc": 0.46401136039896573,
  "fber": 8253164.5,
  "fd_mean": 0.11470039472423955,
  "fd_num": 14,
  "fd_perc": 0.6433823529411765,
  "fwhm_avg": 2.6889908793440527,
  "fwhm_x": 2.48351201026641,
  "fwhm_y": 2.8652423233164477,
  "fwhm_z": 2.7182183044493,
  "gcor": 0.0183475,
  "gsr_x": 0.01548986416310072,
  "gsr_y": 0.0051006656140089035,
  "provenance": {
    "md5sum": "548ff4981cdc3933240cba5c1e759a88",
    "settings": {
      "fd_thres": 0.5,
      "hmc_fsl": false,
      "testing": false
    },
    "software": "mriqc",
    "version": "0.15.2",
    "webapi_port": null,
    "webapi_url": "https://mriqc.nimh.nih.gov/api/v1"
  },
  "size_t": 2176,
  "size_x": 64,
  "size_y": 64,
  "size_z": 40,
  "snr": 2.803406835367938,
  "spacing_tr": 1.0,
  "spacing_x": 3.203125238418579,
  "spacing_y": 3.203125238418579,
  "spacing_z": 3.200000524520874,
  "summary_bg_k": 56.32176175718985,
  "summary_bg_mad": 0.17565666272582864,
  "summary_bg_mean": 6.014016151428223,
  "summary_bg_median": 0.11847861856222153,
  "summary_bg_n": 90615.0,
  "summary_bg_p05": 0.0,
  "summary_bg_p95": 34.63778381347662,
  "summary_bg_stdv": 24.278881072998047,
  "summary_fg_k": 0.042555652113121845,
  "summary_fg_mad": 149.33219917789003,
  "summary_fg_mean": 440.3238525390625,
  "summary_fg_median": 425.0194091796875,
  "summary_fg_n": 38598.0,
  "summary_fg_p05": 218.5410385131836,
  "summary_fg_p95": 711.7958374023439,
  "summary_fg_stdv": 151.60621643066406,
  "tsnr": 44.63282775878906
}