{
  "AcquisitionMatrixPE": 64,
  "AcquisitionNumber": 1,
  "AcquisitionTime": "12:01:38.100000",
  "BandwidthPerPixelPhaseEncode": 19.531,
  "BaseResolution": 64,
  "CoilString": "C:HEA;HEP",
  "ConversionSoftware": "dcm2niix",
  "ConversionSoftwareVersion": "v1.0.20190902",
  "DerivedVendorReportedEchoSpacing": 0.00080001,
  "DeviceSerialNumber": "26099",
  "DwellTime": 5.3e-06,
  "EchoTime": 0.0548,
  "EffectiveEchoSpacing": 0.00080001,
  "FlipAngle": 75,
  "ImageComments": "Unaliased_MB4_PE3_LB_SENSE1",
  "ImageOrientationPatientDICOM": [1, 2e-16, 0, -2e-16, 0.964557, -0.263873],
  "ImageType": [
    "ORIGINAL",
    "PRIMARY",
    "M",
    "MB",
    "ND",
    "MOSAIC"
],
  "ImagingFrequency": 63.6393,
  "InPlanePhaseEncodingDirectionDICOM": "COL",
  "InstitutionAddress": "Bedford_Way_26_London_London_GB_WC1H_0AP",
  "InstitutionName": "University_College",
  "InstitutionalDepartmentName": "Department",
  "MRAcquisitionType": "2D",
  "MagneticFieldStrength": 1.5,
  "Manufacturer": "Siemens",
  "ManufacturersModelName": "Avanto",
  "Modality": "MR",
  "MultibandAccelerationFactor": 4,
  "PartialFourier": 1,
  "PatientPosition": "HFS",
  "PercentPhaseFOV": 100,
  "PhaseEncodingDirection": "j-",
  "PhaseEncodingSteps": 64,
  "PhaseResolution": 1,
  "PixelBandwidth": 1474,
  "ProcedureStepDescription": "ucl_bbk_Jeremy",
  "ProtocolName": "EcL4-3.2m-40-1474-1s-55e",
  "PulseSequenceDetails": "%CustomerSeq%_cmrr_mbep2d_bold",
  "ReceiveCoilName": "32Ch_Head",
  "ReconMatrixPE": 64,
  "RepetitionTime": 1,
  "SAR": 0.0370495,
  "ScanOptions": "FS",
  "ScanningSequence": "EP",
  "SequenceName": "epfid2d1_64",
  "SequenceVariant": "SK_SS",
  "SeriesDescription": "EcL4-3.2m-40-1474-1s-55e",
  "SeriesNumber": 4,
  "ShimSetting": [153, -157, 330, 793, -209, -657, -171, 228],
  "SliceThickness": 3.2,
  "SliceTiming": [0, 0.7025, 0.4, 0.1, 0.8025, 0.5025, 0.2, 0.9025, 0.6025, 0.3, 0, 0.7025, 0.4, 0.1, 0.8025, 0.5025, 0.2, 0.9025, 0.6025, 0.3, 0, 0.7025, 0.4, 0.1, 0.8025, 0.5025, 0.2, 0.9025, 0.6025, 0.3, 0, 0.7025, 0.4, 0.1, 0.8025, 0.5025, 0.2, 0.9025, 0.6025, 0.3],
  "SoftwareVersions": "syngo_MR_B17",
  "SpacingBetweenSlices": 3.2,
  "StationName": "MRC26099",
  "TaskName": "theshawshankredemption",
  "TotalReadoutTime": 0.0504006,
  "TxRefAmp": 213.878,
  "dcmmeta_affine": [
    [-3.203125, -6.40624994052057e-16, 1.6887875557582263e-16, 102.5],
    [-6.40624994052057e-16, 3.0895979404449463, -0.8443937301635742, -74.42081451416016],
    [0.0, 0.8452183604240417, 3.0865838527679443, -50.990638732910156],
    [0.0, 0.0, 0.0, 1.0]
],
  "dcmmeta_reorient_transform": [
    [0.0, -1.0, 0.0, 63.0],
    [1.0, 0.0, 0.0, 0.0],
    [0.0, 0.0, 1.0, 0.0],
    [0.0, 0.0, 0.0, 1.0]
],
  "dcmmeta_shape": [64, 64, 40, 47],
  "dcmmeta_slice_dim": 2,
  "dcmmeta_version": 0.6,
  "global": {
    "const": {
      "AcquisitionMatrix": [64, 0, 0, 64],
      "AngioFlag": "N",
      "BitsAllocated": 16,
      "BitsStored": 12,
      "Columns": 448,
      "EchoNumbers": 1,
      "EchoTime": 54.8,
      "EchoTrainLength": 1,
      "FlipAngle": 75.0,
      "HighBit": 11,
      "ImageOrientationPatient": [1.0, 2e-16, 0.0, -2e-16, 0.96455741917473, -0.2638730473447],
      "ImagePositionPatient": [-717.5, -713.42666822857, 164.5400435194],
      "ImageType": [
        "ORIGINAL",
        "PRIMARY",
        "M",
        "MB",
        "ND",
        "MOSAIC"
],
      "ImagedNucleus": "1H",
      "ImagingFrequency": 63.639341,
      "InPlanePhaseEncodingDirection": "COL",
      "MRAcquisitionType": "2D",
      "MagneticFieldStrength": 1.5,
      "Manufacturer": "SIEMENS",
      "ManufacturerModelName": "Avanto",
      "Modality": "MR",
      "NumberOfAverages": 1.0,
      "NumberOfPhaseEncodingSteps": 64,
      "PercentPhaseFieldOfView": 100.0,
      "PercentSampling": 100.0,
      "PerformedProcedureStepStartTime": "115416.703000",
      "PhotometricInterpretation": "MONOCHROME2",
      "PixelBandwidth": 1474.0,
      "PixelRepresentation": 0,
      "PixelSpacing": [3.203125, 3.203125],
      "ProtocolName": "EcL4-3.2m-40-1474-1s-55e",
      "RepetitionTime": 1000.0,
      "Rows": 448,
      "SAR": 0.03704953586013,
      "SamplesPerPixel": 1,
      "ScanOptions": "FS",
      "ScanningSequence": "EP",
      "SequenceName": "epfid2d1_64",
      "SequenceVariant": [
        "SK",
        "SS"
],
      "SeriesDescription": "EcL4-3.2m-40-1474-1s-55e",
      "SeriesNumber": 4,
      "SeriesTime": "120225.078000",
      "SliceLocation": -29.545749274496,
      "SliceThickness": 3.2000000476837,
      "SmallestImagePixelValue": 0,
      "SoftwareVersions": "syngo MR B17",
      "SpacingBetweenSlices": 3.2000000144917,
      "SpecificCharacterSet": "ISO_IR 100",
      "StudyID": "1",
      "StudyTime": "115416.656000",
      "TransmitCoilName": "Body",
      "VariableFlipAngleFlag": "N",
      "WindowCenterWidthExplanation": "Algo1",
      "dBdt": 0.0},
    "slices": {}
  },
  "time": {
    "samples": {
      "AcquisitionNumber": [1, 2, 3, 4, 5, 6, 7, 8, 9, 10, 11, 12, 13, 14, 15, 16, 17, 18, 19, 20, 21, 22, 23, 24, 25, 26, 27, 28, 29, 30, 31, 32, 33, 34, 35, 36, 37, 38, 39, 40, 41, 42, 43, 44, 45, 46, 47],
      "AcquisitionTime": ["120138.100000", "120139.102500", "120140.107500", "120141.112500", "120142.115000", "120143.120000", "120144.125000", "120145.127500", "120146.132500", "120147.135000", "120148.140000", "120149.145000", "120150.147500", "120151.152500", "120152.155000", "120153.160000", "120154.165000", "120155.167500", "120156.172500", "120157.175000", "120158.180000", "120159.185000", "120200.187500", "120201.192500", "120202.195000", "120203.200000", "120204.205000", "120205.207500", "120206.212500", "120207.215000", "120208.220000", "120209.225000", "120210.227500", "120211.232500", "120212.235000", "120213.240000", "120214.245000", "120215.247500", "120216.252500", "120217.257500", "120218.260000", "120219.265000", "120220.267500", "120221.272500", "120222.277500", "120223.280000", "120224.285000"],
      "ContentTime": ["120225.078000", "120225.078000", "120225.093000", "120225.093000", "120225.109000", "120225.109000", "120225.109000", "120225.109000", "120225.109000", "120225.109000", "120225.109000", "120225.125000", "120225.125000", "120225.125000", "120225.125000", "120225.125000", "120225.125000", "120225.125000", "120225.140000", "120225.140000", "120225.140000", "120225.156000", "120225.156000", "120225.156000", "120225.156000", "120225.156000", "120225.156000", "120225.156000", "120225.171000", "120225.171000", "120225.171000", "120225.171000", "120225.171000", "120225.187000", "120225.187000", "120225.187000", "120225.187000", "120225.187000", "120225.187000", "120225.187000", "120229.296000", "120229.296000", "120229.296000", "120229.296000", "120229.296000", "120229.296000", "120229.296000"],
      "InstanceCreationTime": ["120225.078000", "120225.078000", "120225.093000", "120225.093000", "120225.109000", "120225.109000", "120225.109000", "120225.109000", "120225.109000", "120225.109000", "120225.109000", "120225.125000", "120225.125000", "120225.125000", "120225.125000", "120225.125000", "120225.125000", "120225.125000", "120225.140000", "120225.140000", "120225.140000", "120225.156000", "120225.156000", "120225.156000", "120225.156000", "120225.156000", "120225.156000", "120225.156000", "120225.171000", "120225.171000", "120225.171000", "120225.171000", "120225.171000", "120225.187000", "120225.187000", "120225.187000", "120225.187000", "120225.187000", "120225.187000", "120225.187000", "120229.296000", "120229.296000", "120229.296000", "120229.296000", "120229.296000", "120229.296000", "120229.296000"],
      "InstanceNumber": [1, 2, 3, 4, 5, 6, 7, 8, 9, 10, 11, 12, 13, 14, 15, 16, 17, 18, 19, 20, 21, 22, 23, 24, 25, 26, 27, 28, 29, 30, 31, 32, 33, 34, 35, 36, 37, 38, 39, 40, 41, 42, 43, 44, 45, 46, 47],
      "LargestImagePixelValue": [1118, 1116, 1088, 1094, 1090, 1082, 1086, 1084, 1083, 1086, 1082, 1078, 1075, 1069, 1070, 1069, 1077, 1071, 1082, 1083, 1074, 1077, 1081, 1079, 1078, 1084, 1079, 1074, 1087, 1083, 1086, 1078, 1095, 1084, 1084, 1085, 1089, 1083, 1084, 1080, 1090, 1089, 1082, 1084, 1080, 1082, 1071],
      "WindowCenter": [501.0, 500.0, 499.0, 500.0, 501.0, 499.0, 498.0, 499.0, 497.0, 499.0, 498.0, 500.0, 501.0, 501.0, 500.0, 502.0, 501.0, 501.0, 500.0, 501.0, 500.0, 501.0, 501.0, 501.0, 501.0, 500.0, 502.0, 502.0, 500.0, 500.0, 499.0, 502.0, 502.0, 500.0, 499.0, 501.0, 500.0, 501.0, 501.0, 500.0, 502.0, 502.0, 503.0, 503.0, 503.0, 503.0, 503.0],
      "WindowWidth": [1056.0, 1054.0, 1052.0, 1054.0, 1055.0, 1051.0, 1050.0, 1052.0, 1048.0, 1052.0, 1050.0, 1053.0, 1055.0, 1055.0, 1054.0, 1057.0, 1056.0, 1056.0, 1053.0, 1056.0, 1053.0, 1055.0, 1056.0, 1055.0, 1057.0, 1054.0, 1057.0, 1057.0, 1055.0, 1054.0, 1053.0, 1057.0, 1057.0, 1053.0, 1053.0, 1055.0, 1053.0, 1055.0, 1055.0, 1054.0, 1057.0, 1057.0, 1059.0, 1060.0, 1059.0, 1059.0, 1059.0]
    },
    "slices": {}
  }
}