{
  "AcquisitionMatrixPE": 64,
  "AcquisitionNumber": 1,
  "AcquisitionTime": "14:21:56.985000",
  "BandwidthPerPixelPhaseEncode": 19.531,
  "BaseResolution": 64,
  "CoilString": "C:HEA;HEP",
  "ConversionSoftware": "dcm2niix",
  "ConversionSoftwareVersion": "v1.0.20190902",
  "DerivedVendorReportedEchoSpacing": 0.00080001,
  "DeviceSerialNumber": "26099",
  "DwellTime": 5.3e-06,
  "EchoTime": 0.0548,
  "EffectiveEchoSpacing": 0.00080001,
  "FlipAngle": 75,
  "ImageComments": "Unaliased_MB4_PE3_LB_SENSE1",
  "ImageOrientationPatientDICOM": [1, 2e-16, 0, -2e-16, 0.964557, -0.263873],
  "ImageType": [
    "ORIGINAL",
    "PRIMARY",
    "M",
    "MB",
    "ND",
    "MOSAIC"
],
  "ImagingFrequency": 63.6394,
  "InPlanePhaseEncodingDirectionDICOM": "COL",
  "InstitutionAddress": "Bedford_Way_26_London_London_GB_WC1H_0AP",
  "InstitutionName": "University_College",
  "InstitutionalDepartmentName": "Department",
  "MRAcquisitionType": "2D",
  "MagneticFieldStrength": 1.5,
  "Manufacturer": "Siemens",
  "ManufacturersModelName": "Avanto",
  "Modality": "MR",
  "MultibandAccelerationFactor": 4,
  "PartialFourier": 1,
  "PatientPosition": "HFS",
  "PercentPhaseFOV": 100,
  "PhaseEncodingDirection": "j-",
  "PhaseEncodingSteps": 64,
  "PhaseResolution": 1,
  "PixelBandwidth": 1474,
  "ProcedureStepDescription": "ucl_bbk_Jeremy",
  "ProtocolName": "EcL4-3.2m-40-1474-1s-55e",
  "PulseSequenceDetails": "%CustomerSeq%_cmrr_mbep2d_bold",
  "ReceiveCoilName": "32Ch_Head",
  "ReconMatrixPE": 64,
  "RepetitionTime": 1,
  "SAR": 0.0370495,
  "ScanOptions": "FS",
  "ScanningSequence": "EP",
  "SequenceName": "epfid2d1_64",
  "SequenceVariant": "SK_SS",
  "SeriesDescription": "EcL4-3.2m-40-1474-1s-55e",
  "SeriesNumber": 14,
  "ShimSetting": [153, -157, 330, 793, -209, -657, -171, 228],
  "SliceThickness": 3.2,
  "SliceTiming": [0, 0.7025, 0.4, 0.1, 0.8025, 0.5025, 0.2, 0.9025, 0.6025, 0.3, 0, 0.7025, 0.4, 0.1, 0.8025, 0.5025, 0.2, 0.9025, 0.6025, 0.3, 0, 0.7025, 0.4, 0.1, 0.8025, 0.5025, 0.2, 0.9025, 0.6025, 0.3, 0, 0.7025, 0.4, 0.1, 0.8025, 0.5025, 0.2, 0.9025, 0.6025, 0.3],
  "SoftwareVersions": "syngo_MR_B17",
  "SpacingBetweenSlices": 3.2,
  "StationName": "MRC26099",
  "TaskName": "theshawshankredemption",
  "TotalReadoutTime": 0.0504006,
  "TxRefAmp": 213.878,
  "dcmmeta_affine": [
    [-3.203125, -6.40624994052057e-16, 1.6887875557582263e-16, 102.5],
    [-6.40624994052057e-16, 3.0895979404449463, -0.8443937301635742, -74.42081451416016],
    [0.0, 0.8452183604240417, 3.0865838527679443, -50.990638732910156],
    [0.0, 0.0, 0.0, 1.0]
],
  "dcmmeta_reorient_transform": [
    [0.0, -1.0, 0.0, 63.0],
    [1.0, 0.0, 0.0, 0.0],
    [0.0, 0.0, 1.0, 0.0],
    [0.0, 0.0, 0.0, 1.0]
],
  "dcmmeta_shape": [64, 64, 40, 121],
  "dcmmeta_slice_dim": 2,
  "dcmmeta_version": 0.6,
  "global": {
    "const": {
      "AcquisitionMatrix": [64, 0, 0, 64],
      "AngioFlag": "N",
      "BitsAllocated": 16,
      "BitsStored": 12,
      "Columns": 448,
      "EchoNumbers": 1,
      "EchoTime": 54.8,
      "EchoTrainLength": 1,
      "FlipAngle": 75.0,
      "HighBit": 11,
      "ImageOrientationPatient": [1.0, 2e-16, 0.0, -2e-16, 0.96455741917473, -0.2638730473447],
      "ImagePositionPatient": [-717.5, -713.42666822857, 164.5400435194],
      "ImageType": [
        "ORIGINAL",
        "PRIMARY",
        "M",
        "MB",
        "ND",
        "MOSAIC"
],
      "ImagedNucleus": "1H",
      "ImagingFrequency": 63.639381,
      "InPlanePhaseEncodingDirection": "COL",
      "MRAcquisitionType": "2D",
      "MagneticFieldStrength": 1.5,
      "Manufacturer": "SIEMENS",
      "ManufacturerModelName": "Avanto",
      "Modality": "MR",
      "NumberOfAverages": 1.0,
      "NumberOfPhaseEncodingSteps": 64,
      "PercentPhaseFieldOfView": 100.0,
      "PercentSampling": 100.0,
      "PerformedProcedureStepStartTime": "115416.703000",
      "PhotometricInterpretation": "MONOCHROME2",
      "PixelBandwidth": 1474.0,
      "PixelRepresentation": 0,
      "PixelSpacing": [3.203125, 3.203125],
      "ProtocolName": "EcL4-3.2m-40-1474-1s-55e",
      "RepetitionTime": 1000.0,
      "Rows": 448,
      "SAR": 0.03704953580757,
      "SamplesPerPixel": 1,
      "ScanOptions": "FS",
      "ScanningSequence": "EP",
      "SequenceName": "epfid2d1_64",
      "SequenceVariant": [
        "SK",
        "SS"
],
      "SeriesDescription": "EcL4-3.2m-40-1474-1s-55e",
      "SeriesNumber": 14,
      "SeriesTime": "142232.796000",
      "SliceLocation": -29.545749274496,
      "SliceThickness": 3.2000000476837,
      "SmallestImagePixelValue": 0,
      "SoftwareVersions": "syngo MR B17",
      "SpacingBetweenSlices": 3.2000000144917,
      "SpecificCharacterSet": "ISO_IR 100",
      "StudyID": "1",
      "StudyTime": "115416.656000",
      "TransmitCoilName": "Body",
      "VariableFlipAngleFlag": "N",
      "WindowCenterWidthExplanation": "Algo1",
      "dBdt": 0.0},
