{
  "aor": 0.0023274361542313473,
  "aqi": 0.008786283690535805,
  "bids_meta": {
    "AcquisitionMatrixPE": 64,
    "AcquisitionNumber": 1,
    "AcquisitionTime": "11:11:11.000000",
    "BandwidthPerPixelPhaseEncode": 19.531,
    "BaseResolution": 64,
    "CogAtlasID": "TODO",
    "CoilString": "C:HEA;HEP",
    "ConversionSoftware": "dcm2niix",
    "ConversionSoftwareVersion": "v1.0.20190902",
    "DerivedVendorReportedEchoSpacing": 0.00080001,
    "DeviceSerialNumber": "26099",
    "DwellTime": 5.3e-06,
    "EchoTime": 0.0548,
    "EffectiveEchoSpacing": 0.00080001,
    "FlipAngle": 75,
    "ImageType": [
      "ORIGINAL",
      "PRIMARY",
      "M",
      "MB",
      "ND",
      "MOSAIC"
    ],
    "InstitutionAddress": "Bedford_Way_26_London_London_GB_WC1H_0AP",
    "InstitutionName": "University_College",
    "InstitutionalDepartmentName": "Department",
    "MRAcquisitionType": "2D",
    "MagneticFieldStrength": 1.5,
    "Manufacturer": "Siemens",
    "ManufacturersModelName": "Avanto",
    "Modality": "MR",
    "MultibandAccelerationFactor": 4,
    "PartialFourier": 1,
    "PatientPosition": "HFS",
    "PercentPhaseFOV": 100,
    "PhaseEncodingDirection": "j-",
    "PhaseEncodingSteps": 64,
    "PhaseResolution": 1,
    "ProcedureStepDescription": "ucl_bbk_Jeremy",
    "ProtocolName": "EcL4-3.2m-40-1474-1s-55e",
    "ReceiveCoilName": "32Ch_Head",
    "ReconMatrixPE": 64,
    "RepetitionTime": 1,
    "ScanningSequence": "EP",
    "SequenceName": "epfid2d1_64",
    "SequenceVariant": "SK_SS",
    "SeriesDescription": "EcL4-3.2m-40-1474-1s-55e",
    "ShimSetting": [
      113,
      -32,
      365,
      831,
      115,
      1102,
      -476,
      23
    ],
    "SliceThickness": 3.2,
    "SoftwareVersions": "syngo_MR_B17",
    "SpacingBetweenSlices": 3.2,
    "StationName": "MRC26099",
    "TaskName": "12yearsaslave",
    "dataset": "<unset>",
    "global": {
      "const": {
        "AcquisitionMatrix": [
          64,
          0,
          0,
          64
        ],
        "AngioFlag": "N",
        "EchoNumbers": 1,
        "EchoTime": 54.8,
        "EchoTrainLength": 1,
        "FlipAngle": 75.0,
        "ImageType": [
          "ORIGINAL",
          "PRIMARY",
          "M",
          "MB",
          "ND",
          "MOSAIC"
        ],
        "InPlanePhaseEncodingDirection": "COL",
        "MRAcquisitionType": "2D",
        "MagneticFieldStrength": 1.5,
        "Manufacturer": "SIEMENS",
        "ManufacturerModelName": "Avanto",
        "Modality": "MR",
        "NumberOfAverages": 1.0,
        "NumberOfPhaseEncodingSteps": 64,
        "PercentPhaseFieldOfView": 100.0,
        "PercentSampling": 100.0,
        "PhotometricInterpretation": "MONOCHROME2",
        "PixelSpacing": [
          3.203125,
          3.203125
        ],
        "ProtocolName": "EcL4-3.2m-40-1474-1s-55e",
        "RepetitionTime": 1000.0,
        "SamplesPerPixel": 1,
        "ScanOptions": "FS",
        "ScanningSequence": "EP",
        "SequenceName": "epfid2d1_64",
        "SequenceVariant": [
          "SK",
          "SS"
        ],
        "SeriesDescription": "EcL4-3.2m-40-1474-1s-55e",
        "SoftwareVersions": "syngo MR B17",
        "StudyID": "1",
        "TransmitCoilName": "Body",
        "VariableFlipAngleFlag": "N",
        "WindowCenterWidthExplanation": "Algo1",
        "dBdt": 0.0
      },
      "slices": {}
    },
    "modality": "bold",
    "run_id": 3,
    "subject_id": "81",
    "task_id": "12yearsaslave"
  },
  "dummy_trs": 1,
  "dvars_nstd": 27.78601090086174,
  "dvars_std": 0.9672497360821647,
  "dvars_vstd": 0.9444611062124246,
  "efc": 0.4583682863740037,
  "fber": 864360.0625,
  "fd_mean": 0.16861127915102897,
  "fd_num": 91,
  "fd_perc": 4.556835252879319,
  "fwhm_avg": 2.789234228282767,
  "fwhm_x": 2.609442147234501,
  "fwhm_y": 3.041760780487805,
  "fwhm_z": 2.7164997571259955,
  "gcor": 0.02547,
  "gsr_x": 0.018593182787299156,
  "gsr_y": 0.0066401236690580845,
  "provenance": {
    "md5sum": "8da2bcfd23eade2f3fe2102f60f02382",
    "settings": {
      "fd_thres": 0.5,
      "hmc_fsl": false,
      "testing": false
    },
    "software": "mriqc",
    "version": "0.15.2",
    "webapi_port": null,
    "webapi_url": "https://mriqc.nimh.nih.gov/api/v1"
  },
  "size_t": 1997,
  "size_x": 64,
  "size_y": 64,
  "size_z": 40,
  "snr": 2.6225409941415494,
  "spacing_tr": 1.0,
  "spacing_x": 3.203125238418579,
  "spacing_y": 3.203125,
  "spacing_z": 3.200000286102295,
  "summary_bg_k": 53.157564176921106,
  "summary_bg_mad": 0.5780594426395,
  "summary_bg_mean": 5.675820827484131,
  "summary_bg_median": 0.40665116906166077,
  "summary_bg_n": 90131.0,
  "summary_bg_p05": 0.0,
  "summary_bg_p95": 29.576119422912598,
  "summary_bg_stdv": 20.891845703125,
  "summary_fg_k": 0.24912842518715017,
  "summary_fg_mad": 161.09173503304774,
  "summary_fg_mean": 451.5867004394531,
  "summary_fg_median": 431.451904296875,
  "summary_fg_n": 38422.0,
  "summary_fg_p05": 220.84413223266603,
  "summary_fg_p95": 752.123510742187,
  "summary_fg_stdv": 164.5146026611328,
  "tsnr": 28.71808624267578
}