{
  "aor": 0.004716521739130435,
  "aqi": 0.0015163904347826088,
  "bids_meta": {
    "AcquisitionMatrixPE": 64,
    "AcquisitionNumber": 1,
    "AcquisitionTime": "11:11:11.000000",
    "BandwidthPerPixelPhaseEncode": 19.531,
    "BaseResolution": 64,
    "CogAtlasID": "TODO",
    "CoilString": "C:HEA;HEP",
    "ConversionSoftware": "dcm2niix",
    "ConversionSoftwareVersion": "v1.0.20190902",
    "DerivedVendorReportedEchoSpacing": 0.00080001,
    "DeviceSerialNumber": "26099",
    "DwellTime": 5.3e-06,
    "EchoTime": 0.0548,
    "EffectiveEchoSpacing": 0.00080001,
    "FlipAngle": 75,
    "ImageType": [
      "ORIGINAL",
      "PRIMARY",
      "M",
      "MB",
      "ND",
      "MOSAIC"
    ],
    "InstitutionAddress": "Bedford_Way_26_London_London_GB_WC1H_0AP",
    "InstitutionName": "University_College",
    "InstitutionalDepartmentName": "Department",
    "MRAcquisitionType": "2D",
    "MagneticFieldStrength": 1.5,
    "Manufacturer": "Siemens",
    "ManufacturersModelName": "Avanto",
    "Modality": "MR",
    "MultibandAccelerationFactor": 4,
    "PartialFourier": 1,
    "PatientPosition": "HFS",
    "PercentPhaseFOV": 100,
    "PhaseEncodingDirection": "j-",
    "PhaseEncodingSteps": 64,
    "PhaseResolution": 1,
    "ProcedureStepDescription": "ucl_bbk_Jeremy",
    "ProtocolName": "EcL4-3.2m-40-1474-1s-55e",
    "ReceiveCoilName": "32Ch_Head",
    "ReconMatrixPE": 64,
    "RepetitionTime": 1,
    "ScanningSequence": "EP",
    "SequenceName": "epfid2d1_64",
    "SequenceVariant": "SK_SS",
    "SeriesDescription": "EcL4-3.2m-40-1474-1s-55e",
    "ShimSetting": [
      113,
      -32,
      365,
      831,
      115,
      1102,
      -476,
      23
    ],
    "SliceThickness": 3.2,
    "SoftwareVersions": "syngo_MR_B17",
    "SpacingBetweenSlices": 3.2,
    "StationName": "MRC26099",
    "TaskName": "500daysofsummer",
    "dataset": "<unset>",
    "global": {
      "const": {
        "AcquisitionMatrix": [
          64,
          0,
          0,
          64
        ],
        "AngioFlag": "N",
        "EchoNumbers": 1,
        "EchoTime": 54.8,
        "EchoTrainLength": 1,
        "FlipAngle": 75.0,
        "ImageType": [
          "ORIGINAL",
          "PRIMARY",
          "M",
          "MB",
          "ND",
          "MOSAIC"
        ],
        "InPlanePhaseEncodingDirection": "COL",
        "MRAcquisitionType": "2D",
        "MagneticFieldStrength": 1.5,
        "Manufacturer": "SIEMENS",
        "ManufacturerModelName": "Avanto",
        "Modality": "MR",
        "NumberOfAverages": 1.0,
        "NumberOfPhaseEncodingSteps": 64,
        "PercentPhaseFieldOfView": 100.0,
        "PercentSampling": 100.0,
        "PhotometricInterpretation": "MONOCHROME2",
        "PixelSpacing": [
          3.203125,
          3.203125
        ],
        "ProtocolName": "EcL4-3.2m-40-1474-1s-55e",
        "RepetitionTime": 1000.0,
        "SamplesPerPixel": 1,
        "ScanOptions": "FS",
        "ScanningSequence": "EP",
        "SequenceName": "epfid2d1_64",
        "SequenceVariant": [
          "SK",
          "SS"
        ],
        "SeriesDescription": "EcL4-3.2m-40-1474-1s-55e",
        "SoftwareVersions": "syngo MR B17",
        "StudyID": "1",
        "TransmitCoilName": "Body",
        "VariableFlipAngleFlag": "N",
        "WindowCenterWidthExplanation": "Algo1",
        "dBdt": 0.0
      },
      "slices": {}
    },
    "modality": "bold",
    "run_id": 2,
    "subject_id": "10",
    "task_id": "500daysofsummer"
  },
  "dummy_trs": 0,
  "dvars_nstd": 25.507353349545454,
  "dvars_std": 1.1094241304545454,
  "dvars_vstd": 1.0330928472727274,
  "efc": 0.5014320851364382,
  "fber": 153817344.0,
  "fd_mean": 0.08857869801094163,
  "fd_num": 0,
  "fd_perc": 0.0,
  "fwhm_avg": 2.7678004792687614,
  "fwhm_x": 2.5046353170731708,
  "fwhm_y": 3.042628456454508,
  "fwhm_z": 2.756137664278606,
  "gcor": 0.00839192,
  "gsr_x": 0.008895376697182655,
  "gsr_y": 0.023224065080285072,
  "provenance": {
    "md5sum": "2c39e31bbb7dfa9fa1562b41abc3c8d0",
    "settings": {
      "fd_thres": 0.5,
      "hmc_fsl": false,
      "testing": false
    },
    "software": "mriqc",
    "version": "0.15.2",
    "webapi_port": null,
    "webapi_url": "https://mriqc.nimh.nih.gov/api/v1"
  },
  "size_t": 23,
  "size_x": 64,
  "size_y": 64,
  "size_z": 40,
  "snr": 2.5504495649617445,
  "spacing_tr": 1.0,
  "spacing_x": 3.203125,
  "spacing_y": 3.203125238418579,
  "spacing_z": 3.1999998092651367,
  "summary_bg_k": 30.807370480152002,
  "summary_bg_mad": 0.04949206940898089,
  "summary_bg_mean": 10.31007194519043,
  "summary_bg_median": 0.034777186810970306,
  "summary_bg_n": 82285.0,
  "summary_bg_p05": 0.00010041304776677861,
  "summary_bg_p95": 82.01612854003909,
  "summary_bg_stdv": 39.65678024291992,
  "summary_fg_k": 0.0276162599728198,
  "summary_fg_mad": 201.9308700902104,
  "summary_fg_mean": 535.3243408203125,
  "summary_fg_median": 511.99737548828125,
  "summary_fg_n": 45400.0,
  "summary_fg_p05": 249.88573760986327,
  "summary_fg_p95": 897.9206573486329,
  "summary_fg_stdv": 200.7456817626953,
  "tsnr": 62.6964111328125
}