{
  "AcquisitionMatrixPE": 64,
  "AcquisitionNumber": 1,
  "AcquisitionTime": "19:12:57.275000",
  "BandwidthPerPixelPhaseEncode": 19.531,
  "BaseResolution": 64,
  "CoilString": "C:HEA;HEP",
  "ConversionSoftware": "dcm2niix",
  "ConversionSoftwareVersion": "v1.0.20190902",
  "DerivedVendorReportedEchoSpacing": 0.00080001,
  "DeviceSerialNumber": "26099",
  "DwellTime": 5.3e-06,
  "EchoTime": 0.0548,
  "EffectiveEchoSpacing": 0.00080001,
  "FlipAngle": 75,
  "ImageComments": "Unaliased_MB4_PE3_LB_SENSE1",
  "ImageOrientationPatientDICOM": [1, -1e-16, 0, 1e-16, 0.977783, -0.209619],
  "ImageType": [
    "ORIGINAL",
    "PRIMARY",
    "M",
    "MB",
    "ND",
    "MOSAIC"
],
  "ImagingFrequency": 63.6394,
  "InPlanePhaseEncodingDirectionDICOM": "COL",
  "InstitutionAddress": "Bedford_Way_26_London_London_GB_WC1H_0AP",
  "InstitutionName": "University_College",
  "InstitutionalDepartmentName": "Department",
  "MRAcquisitionType": "2D",
  "MagneticFieldStrength": 1.5,
  "Manufacturer": "Siemens",
  "ManufacturersModelName": "Avanto",
  "Modality": "MR",
  "MultibandAccelerationFactor": 4,
  "PartialFourier": 1,
  "PatientPosition": "HFS",
  "PercentPhaseFOV": 100,
  "PhaseEncodingDirection": "j-",
  "PhaseEncodingSteps": 64,
  "PhaseResolution": 1,
  "PixelBandwidth": 1474,
  "ProcedureStepDescription": "ucl_bbk_Jeremy",
  "ProtocolName": "EcL4-3.2m-40-1474-1s-55e",
  "PulseSequenceDetails": "%CustomerSeq%_cmrr_mbep2d_bold",
  "ReceiveCoilName": "32Ch_Head",
  "ReconMatrixPE": 64,
  "RepetitionTime": 1,
  "SAR": 0.0473439,
  "ScanOptions": "FS",
  "ScanningSequence": "EP",
  "SequenceName": "epfid2d1_64",
  "SequenceVariant": "SK_SS",
  "SeriesDescription": "EcL4-3.2m-40-1474-1s-55e",
  "SeriesNumber": 7,
  "ShimSetting": [194, -8, 386, 1146, 43, 734, -477, 100],
  "SliceThickness": 3.2,
  "SliceTiming": [0, 0.7025, 0.4, 0.1, 0.8025, 0.5, 0.2, 0.9025, 0.6025, 0.3, 0, 0.7025, 0.4, 0.1, 0.8025, 0.5, 0.2, 0.9025, 0.6025, 0.3, 0, 0.7025, 0.4, 0.1, 0.8025, 0.5, 0.2, 0.9025, 0.6025, 0.3, 0, 0.7025, 0.4, 0.1, 0.8025, 0.5, 0.2, 0.9025, 0.6025, 0.3],
  "SoftwareVersions": "syngo_MR_B17",
  "SpacingBetweenSlices": 3.2,
  "StationName": "MRC26099",
  "TaskName": "citizenfour",
  "CogAtlasID": "http://www.cognitiveatlas.org/task/id/tsk_jbg1oF4D9OTkO/",
  "TotalReadoutTime": 0.0504006,
  "TxRefAmp": 215.485,
  "dcmmeta_affine": [
    [-3.203125, 3.203124970260285e-16, -6.707794199138693e-17, 102.5],
    [3.203124970260285e-16, 3.1319618225097656, -0.6707794070243835, -79.7491226196289],
    [0.0, 0.6714344620704651, 3.12890625, -60.278507232666016],
    [0.0, 0.0, 0.0, 1.0]
],
  "dcmmeta_reorient_transform": [
    [0.0, -1.0, 0.0, 63.0],
    [1.0, 0.0, 0.0, 0.0],
    [0.0, 0.0, 1.0, 0.0],
    [0.0, 0.0, 0.0, 1.0]
],
  "dcmmeta_shape": [64, 64, 40, 1125],
  "dcmmeta_slice_dim": 2,
  "dcmmeta_version": 0.6,
  "global": {
    "const": {
      "AcquisitionMatrix": [64, 0, 0, 64],
      "AngioFlag": "N",
      "BitsAllocated": 16,
      "BitsStored": 12,
      "Columns": 448,
      "EchoNumbers": 1,
      "EchoTime": 54.8,
      "EchoTrainLength": 1,
      "FlipAngle": 75.0,
      "HighBit": 11,
      "ImageOrientationPatient": [1.0, -1e-16, 0.0, 1e-16, 0.9777832355831, -0.2096185683871],
      "ImagePositionPatient": [-717.5, -718.90117113109, 110.93728396883],
      "ImageType": [
        "ORIGINAL",
        "PRIMARY",
        "M",
        "MB",
        "ND",
        "MOSAIC"
],
      "ImagedNucleus": "1H",
      "ImagingFrequency": 63.639397,
      "InPlanePhaseEncodingDirection": "COL",
      "MRAcquisitionType": "2D",
      "MagneticFieldStrength": 1.5,
      "Manufacturer": "SIEMENS",
      "ManufacturerModelName": "Avanto",
      "Modality": "MR",
      "NumberOfAverages": 1.0,
      "NumberOfPhaseEncodingSteps": 64,
      "PercentPhaseFieldOfView": 100.0,
      "PercentSampling": 100.0,
      "PerformedProcedureStepStartTime": "173156.406000",
      "PhotometricInterpretation": "MONOCHROME2",
      "PixelBandwidth": 1474.0,
      "PixelRepresentation": 0,
      "PixelSpacing": [3.203125, 3.203125],
      "ProtocolName": "EcL4-3.2m-40-1474-1s-55e",
      "RepetitionTime": 1000.0,
      "Rows": 448,
      "SAR": 0.04734388568706,
      "SamplesPerPixel": 1,
      "ScanOptions": "FS",
      "ScanningSequence": "EP",
      "SequenceName": "epfid2d1_64",
      "SequenceVariant": [
        "SK",
        "SS"
],
      "SeriesDescription": "EcL4-3.2m-40-1474-1s-55e",
      "SeriesNumber": 7,
      "SeriesTime": "191350.281000",
      "SliceLocation": -42.222417838429,
      "SliceThickness": 3.2000000476837,
      "SmallestImagePixelValue": 0,
      "SoftwareVersions": "syngo MR B17",
      "SpacingBetweenSlices": 3.199999990003,
      "SpecificCharacterSet": "ISO_IR 100",
      "StudyID": "1",
      "StudyTime": "173156.343000",
      "TransmitCoilName": "Body",
      "VariableFlipAngleFlag": "N",
      "WindowCenterWidthExplanation": "Algo1",
      "dBdt": 0.0},
