{
  "aor": 0.0033705147058823524,
  "aqi": 0.0026821369698142414,
  "bids_meta": {
    "AcquisitionMatrixPE": 64,
    "AcquisitionNumber": 1,
    "AcquisitionTime": "11:11:11.000000",
    "BandwidthPerPixelPhaseEncode": 19.531,
    "BaseResolution": 64,
    "CogAtlasID": "TODO",
    "CoilString": "C:HEA;HEP",
    "ConversionSoftware": "dcm2niix",
    "ConversionSoftwareVersion": "v1.0.20190902",
    "DerivedVendorReportedEchoSpacing": 0.00080001,
    "DeviceSerialNumber": "26099",
    "DwellTime": 5.3e-06,
    "EchoTime": 0.0548,
    "EffectiveEchoSpacing": 0.00080001,
    "FlipAngle": 75,
    "ImageType": [
      "ORIGINAL",
      "PRIMARY",
      "M",
      "MB",
      "ND",
      "MOSAIC"
    ],
    "InstitutionAddress": "Bedford_Way_26_London_London_GB_WC1H_0AP",
    "InstitutionName": "University_College",
    "InstitutionalDepartmentName": "Department",
    "MRAcquisitionType": "2D",
    "MagneticFieldStrength": 1.5,
    "Manufacturer": "Siemens",
    "ManufacturersModelName": "Avanto",
    "Modality": "MR",
    "MultibandAccelerationFactor": 4,
    "PartialFourier": 1,
    "PatientPosition": "HFS",
    "PercentPhaseFOV": 100,
    "PhaseEncodingDirection": "j-",
    "PhaseEncodingSteps": 64,
    "PhaseResolution": 1,
    "ProcedureStepDescription": "ucl_bbk_Jeremy",
    "ProtocolName": "EcL4-3.2m-40-1474-1s-55e",
    "ReceiveCoilName": "32Ch_Head",
    "ReconMatrixPE": 64,
    "RepetitionTime": 1,
    "ScanningSequence": "EP",
    "SequenceName": "epfid2d1_64",
    "SequenceVariant": "SK_SS",
    "SeriesDescription": "EcL4-3.2m-40-1474-1s-55e",
    "ShimSetting": [
      113,
      -32,
      365,
      831,
      115,
      1102,
      -476,
      23
    ],
    "SliceThickness": 3.2,
    "SoftwareVersions": "syngo_MR_B17",
    "SpacingBetweenSlices": 3.2,
    "StationName": "MRC26099",
    "TaskName": "500daysofsummer",
    "dataset": "<unset>",
    "global": {
      "const": {
        "AcquisitionMatrix": [
          64,
          0,
          0,
          64
        ],
        "AngioFlag": "N",
        "EchoNumbers": 1,
        "EchoTime": 54.8,
        "EchoTrainLength": 1,
        "FlipAngle": 75.0,
        "ImageType": [
          "ORIGINAL",
          "PRIMARY",
          "M",
          "MB",
          "ND",
          "MOSAIC"
        ],
        "InPlanePhaseEncodingDirection": "COL",
        "MRAcquisitionType": "2D",
        "MagneticFieldStrength": 1.5,
        "Manufacturer": "SIEMENS",
        "ManufacturerModelName": "Avanto",
        "Modality": "MR",
        "NumberOfAverages": 1.0,
        "NumberOfPhaseEncodingSteps": 64,
        "PercentPhaseFieldOfView": 100.0,
        "PercentSampling": 100.0,
        "PhotometricInterpretation": "MONOCHROME2",
        "PixelSpacing": [
          3.203125,
          3.203125
        ],
        "ProtocolName": "EcL4-3.2m-40-1474-1s-55e",
        "RepetitionTime": 1000.0,
        "SamplesPerPixel": 1,
        "ScanOptions": "FS",
        "ScanningSequence": "EP",
        "SequenceName": "epfid2d1_64",
        "SequenceVariant": [
          "SK",
          "SS"
        ],
        "SeriesDescription": "EcL4-3.2m-40-1474-1s-55e",
        "SoftwareVersions": "syngo MR B17",
        "StudyID": "1",
        "TransmitCoilName": "Body",
        "VariableFlipAngleFlag": "N",
        "WindowCenterWidthExplanation": "Algo1",
        "dBdt": 0.0
      },
      "slices": {}
    },
    "modality": "bold",
    "run_id": 2,
    "subject_id": "29",
    "task_id": "citizenfour"
  },
  "dummy_trs": 0,
  "dvars_nstd": 20.4648048911963,
  "dvars_std": 1.0546793815756843,
  "dvars_vstd": 8.191737409639952,
  "efc": 0.47008525175132115,
  "fber": 7620944.0,
  "fd_mean": 0.07515410019969464,
  "fd_num": 0,
  "fd_perc": 0.0,
  "fwhm_avg": 2.879713861422109,
  "fwhm_x": 2.7342325685748485,
  "fwhm_y": 3.1137123902439026,
  "fwhm_z": 2.791196625447575,
  "gcor": 0.019707,
  "gsr_x": 0.005148855037987232,
  "gsr_y": 0.015423193573951721,
  "provenance": {
    "md5sum": "075d314d64d815005d799df6438f3c23",
    "settings": {
      "fd_thres": 0.5,
      "hmc_fsl": false,
      "testing": false
    },
    "software": "mriqc",
    "version": "0.15.2",
    "webapi_port": null,
    "webapi_url": "https://mriqc.nimh.nih.gov/api/v1"
  },
  "size_t": 2584,
  "size_x": 64,
  "size_y": 64,
  "size_z": 40,
  "snr": 2.2666169692298124,
  "spacing_tr": 1.0,
  "spacing_x": 3.203125476837158,
  "spacing_y": 3.203125,
  "spacing_z": 3.200000286102295,
  "summary_bg_k": 47.60011980501455,
  "summary_bg_mad": 0.21787463570754156,
  "summary_bg_mean": 6.905680179595947,
  "summary_bg_median": 0.14695420861244202,
  "summary_bg_n": 86642.0,
  "summary_bg_p05": 0.0,
  "summary_bg_p95": 44.510292625427226,
  "summary_bg_stdv": 24.997276306152344,
  "summary_fg_k": 0.6253188247493702,
  "summary_fg_mad": 224.20193713154876,
  "summary_fg_mean": 565.99169921875,
  "summary_fg_median": 530.9542236328125,
  "summary_fg_n": 41756.0,
  "summary_fg_p05": 249.3292579650879,
  "summary_fg_p95": 1003.1077575683594,
  "summary_fg_stdv": 234.24684143066406,
  "tsnr": 47.015899658203125
}