{
  "bids_meta": {
    "AcquisitionMatrixPE": 224,
    "AcquisitionNumber": 1,
    "AcquisitionTime": "19:36:18.027500",
    "BaseResolution": 256,
    "CoilString": "C:HEA;HEP",
    "ConversionSoftware": "dcm2niix",
    "ConversionSoftwareVersion": "v1.0.20190902",
    "DeviceSerialNumber": "26099",
    "DwellTime": 1.03e-05,
    "EchoTime": 0.00357,
    "FlipAngle": 7,
    "ImageOrientationPatientDICOM": [
      0,
      1,
      0,
      0,
      0,
      -1
    ],
    "ImageType": [
      "ORIGINAL",
      "PRIMARY",
      "M",
      "ND",
      "NORM"
    ],
    "ImagingFrequency": 63.6395,
    "InPlanePhaseEncodingDirectionDICOM": "ROW",
    "InstitutionAddress": "Bedford_Way_26_London_London_GB_WC1H_0AP",
    "InstitutionName": "University_College",
    "InstitutionalDepartmentName": "Department",
    "InversionTime": 1,
    "MRAcquisitionType": "3D",
    "MagneticFieldStrength": 1.5,
    "Manufacturer": "Siemens",
    "ManufacturersModelName": "Avanto",
    "Modality": "MR",
    "PartialFourier": 1,
    "PatientPosition": "HFS",
    "PercentPhaseFOV": 87.5,
    "PhaseEncodingSteps": 224,
    "PhaseResolution": 1,
    "PixelBandwidth": 190,
    "ProcedureStepDescription": "ucl_bbk_Jeremy",
    "ProtocolName": "HiResMPRAGE-1.0m",
    "PulseSequenceDetails": "%SiemensSeq%_tfl",
    "ReceiveCoilName": "32Ch_Head",
    "ReconMatrixPE": 224,
    "RepetitionTime": 2.73,
    "SAR": 0.0114207,
    "ScanOptions": "IR",
    "ScanningSequence": "GR_IR",
    "SequenceName": "_tfl3d1_ns",
    "SequenceVariant": "SP_MP",
    "SeriesDescription": "HiResMPRAGE-1.0m",
    "SeriesNumber": 8,
    "ShimSetting": [
      141,
      -90,
      343,
      704,
      -95,
      141,
      217,
      55
    ],
    "SliceThickness": 1,
    "SoftwareVersions": "syngo_MR_B17",
    "StationName": "MRC26099",
    "TxRefAmp": 222.165,
    "dataset": "<unset>",
    "dcmmeta_affine": [
      [
        1.0,
        0.0,
        0.0,
        -84.40072631835938
      ],
      [
        0.0,
        1.0,
        0.0,
        -97.1501235961914
      ],
      [
        0.0,
        0.0,
        1.0,
        -127.0
      ],
      [
        0.0,
        0.0,
        0.0,
        1.0
      ]
    ],
    "dcmmeta_reorient_transform": [
      [
        0.0,
        0.0,
        -1.0,
        255.0
      ],
      [
        0.0,
        -1.0,
        0.0,
        223.0
      ],
      [
        -1.0,
        0.0,
        0.0,
        175.0
      ],
      [
        0.0,
        0.0,
        0.0,
        1.0
      ]
    ],
    "dcmmeta_shape": [
      176,
      224,
      256
    ],
    "dcmmeta_slice_dim": 0,
    "dcmmeta_version": 0.6,
    "global": {
      "const": {
        "AcquisitionMatrix": [
          0,
          256,
          224,
          0
        ],
        "AcquisitionNumber": 1,
        "AcquisitionTime": "193618.027500",
        "AngioFlag": "N",
        "BitsAllocated": 16,
        "BitsStored": 12,
        "Columns": 224,
        "EchoNumbers": 1,
        "EchoTime": 3.57,
        "EchoTrainLength": 1,
        "FlipAngle": 7.0,
        "HighBit": 11,
        "ImageOrientationPatient": [
          0.0,
          1.0,
          0.0,
          0.0,
          0.0,
          -1.0
        ],
        "ImageType": [
          "ORIGINAL",
          "PRIMARY",
          "M",
          "ND",
          "NORM"
        ],
        "ImagedNucleus": "1H",
        "ImagingFrequency": 63.639451,
        "InPlanePhaseEncodingDirection": "ROW",
        "InversionTime": 1000.0,
        "MRAcquisitionType": "3D",
        "MagneticFieldStrength": 1.5,
        "Manufacturer": "SIEMENS",
        "ManufacturerModelName": "Avanto",
        "Modality": "MR",
        "NumberOfAverages": 1.0,
        "NumberOfPhaseEncodingSteps": 224,
        "PercentPhaseFieldOfView": 87.5,
        "PercentSampling": 100.0,
        "PerformedProcedureStepStartTime": "173952.984000",
        "PhotometricInterpretation": "MONOCHROME2",
        "PixelBandwidth": 190.0,
        "PixelRepresentation": 0,
        "PixelSpacing": [
          1.0,
          1.0
        ],
        "ProtocolName": "HiResMPRAGE-1.0m",
        "RepetitionTime": 2730.0,
        "Rows": 256,
        "SAR": 0.01142069764202,
        "SamplesPerPixel": 1,
        "ScanOptions": "IR",
        "ScanningSequence": [
          "GR",
          "IR"
        ],
        "SequenceName": "*tfl3d1_ns",
        "SequenceVariant": [
          "SP",
          "MP"
        ],
        "SeriesDescription": "HiResMPRAGE-1.0m",
        "SeriesNumber": 8,
        "SeriesTime": "194637.437000",
        "SliceThickness": 1.0,
        "SmallestImagePixelValue": 0,
        "SoftwareVersions": "syngo MR B17",
        "SpecificCharacterSet": "ISO_IR 100",
        "StudyID": "1",
        "StudyTime": "173952.937000",
        "TransmitCoilName": "Body",
        "VariableFlipAngleFlag": "N",
        "WindowCenterWidthExplanation": "Algo1",
        "dBdt": 0.0
      },
