{
  "aor": 0.001983752151462995,
  "aqi": 0.002886769939759036,
  "bids_meta": {
    "AcquisitionMatrixPE": 64,
    "AcquisitionNumber": 1,
    "AcquisitionTime": "11:11:11.000000",
    "BandwidthPerPixelPhaseEncode": 19.531,
    "BaseResolution": 64,
    "CogAtlasID": "TODO",
    "CoilString": "C:HEA;HEP",
    "ConversionSoftware": "dcm2niix",
    "ConversionSoftwareVersion": "v1.0.20190902",
    "DerivedVendorReportedEchoSpacing": 0.00080001,
    "DeviceSerialNumber": "26099",
    "DwellTime": 5.3e-06,
    "EchoTime": 0.0548,
    "EffectiveEchoSpacing": 0.00080001,
    "FlipAngle": 75,
    "ImageType": [
      "ORIGINAL",
      "PRIMARY",
      "M",
      "MB",
      "ND",
      "MOSAIC"
    ],
    "InstitutionAddress": "Bedford_Way_26_London_London_GB_WC1H_0AP",
    "InstitutionName": "University_College",
    "InstitutionalDepartmentName": "Department",
    "MRAcquisitionType": "2D",
    "MagneticFieldStrength": 1.5,
    "Manufacturer": "Siemens",
    "ManufacturersModelName": "Avanto",
    "Modality": "MR",
    "MultibandAccelerationFactor": 4,
    "PartialFourier": 1,
    "PatientPosition": "HFS",
    "PercentPhaseFOV": 100,
    "PhaseEncodingDirection": "j-",
    "PhaseEncodingSteps": 64,
    "PhaseResolution": 1,
    "ProcedureStepDescription": "ucl_bbk_Jeremy",
    "ProtocolName": "EcL4-3.2m-40-1474-1s-55e",
    "ReceiveCoilName": "32Ch_Head",
    "ReconMatrixPE": 64,
    "RepetitionTime": 1,
    "ScanningSequence": "EP",
    "SequenceName": "epfid2d1_64",
    "SequenceVariant": "SK_SS",
    "SeriesDescription": "EcL4-3.2m-40-1474-1s-55e",
    "ShimSetting": [
      113,
      -32,
      365,
      831,
      115,
      1102,
      -476,
      23
    ],
    "SliceThickness": 3.2,
    "SoftwareVersions": "syngo_MR_B17",
    "SpacingBetweenSlices": 3.2,
    "StationName": "MRC26099",
    "TaskName": "500daysofsummer",
    "dataset": "<unset>",
    "global": {
      "const": {
        "AcquisitionMatrix": [
          64,
          0,
          0,
          64
        ],
        "AngioFlag": "N",
        "EchoNumbers": 1,
        "EchoTime": 54.8,
        "EchoTrainLength": 1,
        "FlipAngle": 75.0,
        "ImageType": [
          "ORIGINAL",
          "PRIMARY",
          "M",
          "MB",
          "ND",
          "MOSAIC"
        ],
        "InPlanePhaseEncodingDirection": "COL",
        "MRAcquisitionType": "2D",
        "MagneticFieldStrength": 1.5,
        "Manufacturer": "SIEMENS",
        "ManufacturerModelName": "Avanto",
        "Modality": "MR",
        "NumberOfAverages": 1.0,
        "NumberOfPhaseEncodingSteps": 64,
        "PercentPhaseFieldOfView": 100.0,
        "PercentSampling": 100.0,
        "PhotometricInterpretation": "MONOCHROME2",
        "PixelSpacing": [
          3.203125,
          3.203125
        ],
        "ProtocolName": "EcL4-3.2m-40-1474-1s-55e",
        "RepetitionTime": 1000.0,
        "SamplesPerPixel": 1,
        "ScanOptions": "FS",
        "ScanningSequence": "EP",
        "SequenceName": "epfid2d1_64",
        "SequenceVariant": [
          "SK",
          "SS"
        ],
        "SeriesDescription": "EcL4-3.2m-40-1474-1s-55e",
        "SoftwareVersions": "syngo MR B17",
        "StudyID": "1",
        "TransmitCoilName": "Body",
        "VariableFlipAngleFlag": "N",
        "WindowCenterWidthExplanation": "Algo1",
        "dBdt": 0.0
      },
      "slices": {}
    },
    "modality": "bold",
    "run_id": 3,
    "subject_id": "31",
    "task_id": "citizenfour"
  },
  "dummy_trs": 0,
  "dvars_nstd": 24.554887267278172,
  "dvars_std": 1.0866672469767422,
  "dvars_vstd": 75271.22071956452,
  "efc": 0.4909192582080035,
  "fber": 20848590.0,
  "fd_mean": 0.09623483968239835,
  "fd_num": 5,
  "fd_perc": 0.43029259896729777,
  "fwhm_avg": 2.8034088855244916,
  "fwhm_x": 2.61030380570695,
  "fwhm_y": 2.952541219002891,
  "fwhm_z": 2.8473816318636342,
  "gcor": 0.0220815,
  "gsr_x": 0.0031601765658706427,
  "gsr_y": 0.014503649435937405,
  "provenance": {
    "md5sum": "f3cc26ecc14fc6d8ede45b83de3386ac",
    "settings": {
      "fd_thres": 0.5,
      "hmc_fsl": false,
      "testing": false
    },
    "software": "mriqc",
    "version": "0.15.2",
    "webapi_port": null,
    "webapi_url": "https://mriqc.nimh.nih.gov/api/v1"
  },
  "size_t": 1162,
  "size_x": 64,
  "size_y": 64,
  "size_z": 40,
  "snr": 2.483904210103894,
  "spacing_tr": 1.0,
  "spacing_x": 3.203125238418579,
  "spacing_y": 3.203125476837158,
  "spacing_z": 3.1999995708465576,
  "summary_bg_k": 94.50973895109084,
  "summary_bg_mad": 0.1158815467559666,
  "summary_bg_mean": 4.949459075927734,
  "summary_bg_median": 0.07816091179847717,
  "summary_bg_n": 83202.0,
  "summary_bg_p05": 0.0,
  "summary_bg_p95": 32.44227371215819,
  "summary_bg_stdv": 19.60809898376465,
  "summary_fg_k": 0.19278226458946168,
  "summary_fg_mad": 191.51557593157983,
  "summary_fg_mean": 489.80999755859375,
  "summary_fg_median": 466.10321044921875,
  "summary_fg_n": 45187.0,
  "summary_fg_p05": 231.310871887207,
  "summary_fg_p95": 831.7351135253906,
  "summary_fg_stdv": 187.64735412597656,
  "tsnr": 48.73914337158203
}