{
  "AcquisitionMatrixPE": 64,
  "AcquisitionNumber": 1,
  "AcquisitionTime": "18:12:32.890000",
  "BandwidthPerPixelPhaseEncode": 19.531,
  "BaseResolution": 64,
  "CoilString": "C:HEA;HEP",
  "ConversionSoftware": "dcm2niix",
  "ConversionSoftwareVersion": "v1.0.20190902",
  "DerivedVendorReportedEchoSpacing": 0.00080001,
  "DeviceSerialNumber": "26099",
  "DwellTime": 5.3e-06,
  "EchoTime": 0.0548,
  "EffectiveEchoSpacing": 0.00080001,
  "FlipAngle": 75,
  "ImageComments": "Unaliased_MB4_PE3_LB_SENSE1",
  "ImageOrientationPatientDICOM": [1, 2e-16, 0, -2e-16, 0.961262, -0.275637],
  "ImageType": [
    "ORIGINAL",
    "PRIMARY",
    "M",
    "MB",
    "ND",
    "MOSAIC"
],
  "ImagingFrequency": 63.6394,
  "InPlanePhaseEncodingDirectionDICOM": "COL",
  "InstitutionAddress": "Bedford_Way_26_London_London_GB_WC1H_0AP",
  "InstitutionName": "University_College",
  "InstitutionalDepartmentName": "Department",
  "MRAcquisitionType": "2D",
  "MagneticFieldStrength": 1.5,
  "Manufacturer": "Siemens",
  "ManufacturersModelName": "Avanto",
  "Modality": "MR",
  "MultibandAccelerationFactor": 4,
  "PartialFourier": 1,
  "PatientPosition": "HFS",
  "PercentPhaseFOV": 100,
  "PhaseEncodingDirection": "j-",
  "PhaseEncodingSteps": 64,
  "PhaseResolution": 1,
  "PixelBandwidth": 1474,
  "ProcedureStepDescription": "ucl_bbk_Jeremy",
  "ProtocolName": "EcL4-3.2m-40-1474-1s-55e",
  "PulseSequenceDetails": "%CustomerSeq%_cmrr_mbep2d_bold",
  "ReceiveCoilName": "32Ch_Head",
  "ReconMatrixPE": 64,
  "RepetitionTime": 1,
  "SAR": 0.0442947,
  "ScanOptions": "FS",
  "ScanningSequence": "EP",
  "SequenceName": "epfid2d1_64",
  "SequenceVariant": "SK_SS",
  "SeriesDescription": "EcL4-3.2m-40-1474-1s-55e",
  "SeriesNumber": 5,
  "ShimSetting": [171, 3, 341, 680, -324, 1064, -256, 253],
  "SliceThickness": 3.2,
  "SliceTiming": [0, 0.7025, 0.4025, 0.1, 0.8025, 0.5025, 0.2, 0.9025, 0.6025, 0.3025, 0, 0.7025, 0.4025, 0.1, 0.8025, 0.5025, 0.2, 0.9025, 0.6025, 0.3025, 0, 0.7025, 0.4025, 0.1, 0.8025, 0.5025, 0.2, 0.9025, 0.6025, 0.3025, 0, 0.7025, 0.4025, 0.1, 0.8025, 0.5025, 0.2, 0.9025, 0.6025, 0.3025],
  "SoftwareVersions": "syngo_MR_B17",
  "SpacingBetweenSlices": 3.2,
  "StationName": "MRC26099",
  "TaskName": "theprestige",
  "TotalReadoutTime": 0.0504006,
  "TxRefAmp": 217.201,
  "dcmmeta_affine": [
    [-3.203125, -6.40624994052057e-16, 1.764078990950681e-16, 102.5],
    [-6.40624994052057e-16, 3.0790414810180664, -0.882039487361908, -76.50717163085938],
    [0.0, 0.8829008340835571, 3.0760374069213867, -60.13716125488281],
    [0.0, 0.0, 0.0, 1.0]
],
  "dcmmeta_reorient_transform": [
    [0.0, -1.0, 0.0, 63.0],
    [1.0, 0.0, 0.0, 0.0],
    [0.0, 0.0, 1.0, 0.0],
    [0.0, 0.0, 0.0, 1.0]
],
  "dcmmeta_shape": [64, 64, 40, 1097],
  "dcmmeta_slice_dim": 2,
  "dcmmeta_version": 0.6,
  "global": {
    "const": {
      "AcquisitionMatrix": [64, 0, 0, 64],
      "AngioFlag": "N",
      "BitsAllocated": 16,
      "BitsStored": 12,
      "Columns": 448,
      "EchoNumbers": 1,
      "EchoTime": 54.8,
      "EchoTrainLength": 1,
      "FlipAngle": 75.0,
      "HighBit": 11,
      "ImageOrientationPatient": [1.0, 2e-16, 0.0, -2e-16, 0.96126170052539, -0.27563733982],
      "ImagePositionPatient": [-717.5, -708.64838345399, 165.00255651859],
      "ImageType": [
        "ORIGINAL",
        "PRIMARY",
        "M",
        "MB",
        "ND",
        "MOSAIC"
],
      "ImagedNucleus": "1H",
      "ImagingFrequency": 63.639433,
      "InPlanePhaseEncodingDirection": "COL",
      "MRAcquisitionType": "2D",
      "MagneticFieldStrength": 1.5,
      "Manufacturer": "SIEMENS",
      "ManufacturerModelName": "Avanto",
      "Modality": "MR",
      "NumberOfAverages": 1.0,
      "NumberOfPhaseEncodingSteps": 64,
      "PercentPhaseFieldOfView": 100.0,
      "PercentSampling": 100.0,
      "PerformedProcedureStepStartTime": "172537.281000",
      "PhotometricInterpretation": "MONOCHROME2",
      "PixelBandwidth": 1474.0,
      "PixelRepresentation": 0,
      "PixelSpacing": [3.203125, 3.203125],
      "ProtocolName": "EcL4-3.2m-40-1474-1s-55e",
      "RepetitionTime": 1000.0,
      "Rows": 448,
      "SAR": 0.0442947069697,
      "SamplesPerPixel": 1,
      "ScanOptions": "FS",
      "ScanningSequence": "EP",
      "SequenceName": "epfid2d1_64",
      "SequenceVariant": [
        "SK",
        "SS"
],
      "SeriesDescription": "EcL4-3.2m-40-1474-1s-55e",
      "SeriesNumber": 5,
      "SeriesTime": "181310.718000",
      "SliceLocation": -36.719317212892,
      "SliceThickness": 3.2000000476837,
      "SmallestImagePixelValue": 0,
      "SoftwareVersions": "syngo MR B17",
      "SpacingBetweenSlices": 3.2000000568867,
      "SpecificCharacterSet": "ISO_IR 100",
      "StudyID": "1",
      "StudyTime": "172537.234000",
      "TransmitCoilName": "Body",
      "VariableFlipAngleFlag": "N",
      "WindowCenterWidthExplanation": "Algo1",
      "dBdt": 0.0},
