{
  "AcquisitionMatrixPE": 64,
  "AcquisitionNumber": 1,
  "AcquisitionTime": "17:22:10.435000",
  "BandwidthPerPixelPhaseEncode": 19.531,
  "BaseResolution": 64,
  "CoilString": "C:HEA;HEP",
  "ConversionSoftware": "dcm2niix",
  "ConversionSoftwareVersion": "v1.0.20190902",
  "DerivedVendorReportedEchoSpacing": 0.00080001,
  "DeviceSerialNumber": "26099",
  "DwellTime": 5.3e-06,
  "EchoTime": 0.0548,
  "EffectiveEchoSpacing": 0.00080001,
  "FlipAngle": 75,
  "ImageComments": "Unaliased_MB4_PE3_LB_SENSE1",
  "ImageOrientationPatientDICOM": [1, 2e-16, 0, -2e-16, 0.969016, -0.246999],
  "ImageType": [
    "ORIGINAL",
    "PRIMARY",
    "M",
    "MB",
    "ND",
    "MOSAIC"
],
  "ImagingFrequency": 63.6393,
  "InPlanePhaseEncodingDirectionDICOM": "COL",
  "InstitutionAddress": "Bedford_Way_26_London_London_GB_WC1H_0AP",
  "InstitutionName": "University_College",
  "InstitutionalDepartmentName": "Department",
  "MRAcquisitionType": "2D",
  "MagneticFieldStrength": 1.5,
  "Manufacturer": "Siemens",
  "ManufacturersModelName": "Avanto",
  "Modality": "MR",
  "MultibandAccelerationFactor": 4,
  "PartialFourier": 1,
  "PatientPosition": "HFS",
  "PercentPhaseFOV": 100,
  "PhaseEncodingDirection": "j-",
  "PhaseEncodingSteps": 64,
  "PhaseResolution": 1,
  "PixelBandwidth": 1474,
  "ProcedureStepDescription": "ucl_bbk_Jeremy",
  "ProtocolName": "EcL4-3.2m-40-1474-1s-55e",
  "PulseSequenceDetails": "%CustomerSeq%_cmrr_mbep2d_bold",
  "ReceiveCoilName": "32Ch_Head",
  "ReconMatrixPE": 64,
  "RepetitionTime": 1,
  "SAR": 0.0359564,
  "ScanOptions": "FS",
  "ScanningSequence": "EP",
  "SequenceName": "epfid2d1_64",
  "SequenceVariant": "SK_SS",
  "SeriesDescription": "EcL4-3.2m-40-1474-1s-55e",
  "SeriesNumber": 3,
  "ShimSetting": [159, -86, 332, 1082, -237, 421, 201, 120],
  "SliceThickness": 3.2,
  "SliceTiming": [0, 0.7025, 0.4, 0.1, 0.8025, 0.5, 0.2, 0.9025, 0.6, 0.3, 0, 0.7025, 0.4, 0.1, 0.8025, 0.5, 0.2, 0.9025, 0.6, 0.3, 0, 0.7025, 0.4, 0.1, 0.8025, 0.5, 0.2, 0.9025, 0.6, 0.3, 0, 0.7025, 0.4, 0.1, 0.8025, 0.5, 0.2, 0.9025, 0.6, 0.3],
  "SoftwareVersions": "syngo_MR_B17",
  "SpacingBetweenSlices": 3.2,
  "StationName": "MRC26099",
  "TaskName": "pulpfiction",
  "CogAtlasID": "http://www.cognitiveatlas.org/task/id/tsk_jbg1oF4D9OTkO/",
  "TotalReadoutTime": 0.0504006,
  "TxRefAmp": 212.601,
  "dcmmeta_affine": [
    [-3.203125, -6.40624994052057e-16, 1.5807936343101612e-16, 102.5],
    [-6.40624994052057e-16, 3.1038784980773926, -0.7903968095779419, -80.95277404785156],
    [0.0, 0.7911686897277832, 3.1008503437042236, -62.1840934753418],
    [0.0, 0.0, 0.0, 1.0]
],
  "dcmmeta_reorient_transform": [
    [0.0, -1.0, 0.0, 63.0],
    [1.0, 0.0, 0.0, 0.0],
    [0.0, 0.0, 1.0, 0.0],
    [0.0, 0.0, 0.0, 1.0]
],
  "dcmmeta_shape": [64, 64, 40, 44],
  "dcmmeta_slice_dim": 2,
  "dcmmeta_version": 0.6,
  "global": {
    "const": {
      "AcquisitionMatrix": [64, 0, 0, 64],
      "AngioFlag": "N",
      "BitsAllocated": 16,
      "BitsStored": 12,
      "Columns": 448,
      "EchoNumbers": 1,
      "EchoTime": 54.8,
      "EchoTrainLength": 1,
      "FlipAngle": 75.0,
      "HighBit": 11,
      "ImageOrientationPatient": [1.0, 2e-16, 0.0, -2e-16, 0.96901573474031, -0.2469989996451],
      "ImagePositionPatient": [-717.5, -710.53624954556, 139.56391862843],
      "ImageType": [
        "ORIGINAL",
        "PRIMARY",
        "M",
        "MB",
        "ND",
        "MOSAIC"
],
      "ImagedNucleus": "1H",
      "ImagingFrequency": 63.639324,
      "InPlanePhaseEncodingDirection": "COL",
      "MRAcquisitionType": "2D",
      "MagneticFieldStrength": 1.5,
      "Manufacturer": "SIEMENS",
      "ManufacturerModelName": "Avanto",
      "Modality": "MR",
      "NumberOfAverages": 1.0,
      "NumberOfPhaseEncodingSteps": 64,
      "PercentPhaseFieldOfView": 100.0,
      "PercentSampling": 100.0,
      "PerformedProcedureStepStartTime": "171947.765000",
      "PhotometricInterpretation": "MONOCHROME2",
      "PixelBandwidth": 1474.0,
      "PixelRepresentation": 0,
      "PixelSpacing": [3.203125, 3.203125],
      "ProtocolName": "EcL4-3.2m-40-1474-1s-55e",
      "RepetitionTime": 1000.0,
      "Rows": 448,
      "SAR": 0.03595638980712,
      "SamplesPerPixel": 1,
      "ScanOptions": "FS",
      "ScanningSequence": "EP",
      "SequenceName": "epfid2d1_64",
      "SequenceVariant": [
        "SK",
        "SS"
],
      "SeriesDescription": "EcL4-3.2m-40-1474-1s-55e",
      "SeriesNumber": 3,
      "SeriesTime": "172259.890000",
      "SliceLocation": -40.262109696383,
      "SliceThickness": 3.2000000476837,
      "SmallestImagePixelValue": 0,
      "SoftwareVersions": "syngo MR B17",
      "SpacingBetweenSlices": 3.199999984436,
      "SpecificCharacterSet": "ISO_IR 100",
      "StudyID": "1",
      "StudyTime": "171947.718000",
      "TransmitCoilName": "Body",
      "VariableFlipAngleFlag": "N",
      "WindowCenterWidthExplanation": "Algo1",
      "dBdt": 0.0},
    "slices": {}
  },
  "time": {
    "samples": {
      "AcquisitionNumber": [1, 2, 3, 4, 5, 6, 7, 8, 9, 10, 11, 12, 13, 14, 15, 16, 17, 18, 19, 20, 21, 22, 23, 24, 25, 26, 27, 28, 29, 30, 31, 32, 33, 34, 35, 36, 37, 38, 39, 40, 41, 42, 43, 44],
      "AcquisitionTime": ["172210.435000", "172211.437500", "172212.442500", "172213.445000", "172214.450000", "172215.455000", "172216.457500", "172217.462500", "172218.465000", "172219.470000", "172220.475000", "172221.477500", "172222.482500", "172223.485000", "172224.490000", "172225.495000", "172226.497500", "172227.502500", "172228.507500", "172229.510000", "172230.515000", "172231.517500", "172232.522500", "172233.527500", "172234.530000", "172235.535000", "172236.537500", "172237.542500", "172238.547500", "172239.550000", "172240.555000", "172241.557500", "172242.562500", "172243.567500", "172244.570000", "172245.575000", "172246.577500", "172247.582500", "172248.587500", "172249.590000", "172250.595000", "172251.597500", "172252.602500", "172253.607500"],
      "ContentTime": ["172259.890000", "172259.890000", "172259.890000", "172259.890000", "172259.890000", "172259.890000", "172259.906000", "172259.906000", "172259.906000", "172259.906000", "172259.906000", "172259.906000", "172259.906000", "172259.921000", "172259.921000", "172259.921000", "172259.921000", "172259.921000", "172259.921000", "172259.937000", "172259.937000", "172259.937000", "172259.937000", "172259.937000", "172259.937000", "172259.937000", "172259.953000", "172259.953000", "172259.953000", "172259.953000", "172259.953000", "172259.953000", "172259.968000", "172259.968000", "172259.968000", "172259.968000", "172259.968000", "172259.968000", "172259.968000", "172259.984000", "172259.984000", "172259.984000", "172259.984000", "172300.000000"],
      "InstanceCreationTime": ["172259.890000", "172259.890000", "172259.890000", "172259.890000", "172259.890000", "172259.890000", "172259.906000", "172259.906000", "172259.906000", "172259.906000", "172259.906000", "172259.906000", "172259.906000", "172259.921000", "172259.921000", "172259.921000", "172259.921000", "172259.921000", "172259.921000", "172259.937000", "172259.937000", "172259.937000", "172259.937000", "172259.937000", "172259.937000", "172259.937000", "172259.953000", "172259.953000", "172259.953000", "172259.953000", "172259.953000", "172259.953000", "172259.968000", "172259.968000", "172259.968000", "172259.968000", "172259.968000", "172259.968000", "172259.968000", "172259.984000", "172259.984000", "172259.984000", "172259.984000", "172300.000000"],
      "InstanceNumber": [1, 2, 3, 4, 5, 6, 7, 8, 9, 10, 11, 12, 13, 14, 15, 16, 17, 18, 19, 20, 21, 22, 23, 24, 25, 26, 27, 28, 29, 30, 31, 32, 33, 34, 35, 36, 37, 38, 39, 40, 41, 42, 43, 44],
      "LargestImagePixelValue": [1292, 1284, 1276, 1268, 1273, 1272, 1271, 1265, 1268, 1274, 1274, 1274, 1267, 1266, 1254, 1269, 1262, 1260, 1262, 1275, 1280, 1275, 1281, 1269, 1275, 1271, 1278, 1275, 1259, 1264, 1275, 1273, 1275, 1275, 1271, 1268, 1267, 1280, 1270, 1269, 1273, 1284, 1287, 1277],
      "WindowCenter": [537.0, 535.0, 535.0, 535.0, 534.0, 535.0, 535.0, 534.0, 535.0, 535.0, 534.0, 535.0, 534.0, 534.0, 534.0, 535.0, 535.0, 535.0, 535.0, 534.0, 535.0, 535.0, 535.0, 534.0, 534.0, 534.0, 534.0, 535.0, 535.0, 535.0, 535.0, 535.0, 534.0, 534.0, 534.0, 534.0, 534.0, 535.0, 535.0, 535.0, 534.0, 535.0, 536.0, 535.0],
      "WindowWidth": [1134.0, 1131.0, 1131.0, 1130.0, 1129.0, 1130.0, 1131.0, 1129.0, 1129.0, 1130.0, 1129.0, 1129.0, 1128.0, 1129.0, 1128.0, 1130.0, 1130.0, 1129.0, 1130.0, 1129.0, 1130.0, 1129.0, 1129.0, 1127.0, 1129.0, 1127.0, 1128.0, 1129.0, 1130.0, 1130.0, 1130.0, 1129.0, 1128.0, 1127.0, 1128.0, 1127.0, 1129.0, 1130.0, 1129.0, 1129.0, 1129.0, 1131.0, 1132.0, 1131.0]
    },
    "slices": {}
  }
}