{
  "AcquisitionMatrixPE": 64,
  "AcquisitionNumber": 1,
  "AcquisitionTime": "17:54:37.485000",
  "BandwidthPerPixelPhaseEncode": 19.531,
  "BaseResolution": 64,
  "CoilString": "C:HEA;HEP",
  "ConversionSoftware": "dcm2niix",
  "ConversionSoftwareVersion": "v1.0.20190902",
  "DerivedVendorReportedEchoSpacing": 0.00080001,
  "DeviceSerialNumber": "26099",
  "DwellTime": 5.3e-06,
  "EchoTime": 0.0548,
  "EffectiveEchoSpacing": 0.00080001,
  "FlipAngle": 75,
  "ImageComments": "Unaliased_MB4_PE3_LB_SENSE1",
  "ImageOrientationPatientDICOM": [1, 0, 0, 0, 0.987136, -0.159881],
  "ImageType": [
    "ORIGINAL",
    "PRIMARY",
    "M",
    "MB",
    "ND",
    "MOSAIC"
],
  "ImagingFrequency": 63.6393,
  "InPlanePhaseEncodingDirectionDICOM": "COL",
  "InstitutionAddress": "Bedford_Way_26_London_London_GB_WC1H_0AP",
  "InstitutionName": "University_College",
  "InstitutionalDepartmentName": "Department",
  "MRAcquisitionType": "2D",
  "MagneticFieldStrength": 1.5,
  "Manufacturer": "Siemens",
  "ManufacturersModelName": "Avanto",
  "Modality": "MR",
  "MultibandAccelerationFactor": 4,
  "PartialFourier": 1,
  "PatientPosition": "HFS",
  "PercentPhaseFOV": 100,
  "PhaseEncodingDirection": "j-",
  "PhaseEncodingSteps": 64,
  "PhaseResolution": 1,
  "PixelBandwidth": 1474,
  "ProcedureStepDescription": "ucl_bbk_Jeremy",
  "ProtocolName": "EcL4-3.2m-40-1474-1s-55e",
  "PulseSequenceDetails": "%CustomerSeq%_cmrr_mbep2d_bold",
  "ReceiveCoilName": "32Ch_Head",
  "ReconMatrixPE": 64,
  "RepetitionTime": 1,
  "SAR": 0.0388287,
  "ScanOptions": "FS",
  "ScanningSequence": "EP",
  "SequenceName": "epfid2d1_64",
  "SequenceVariant": "SK_SS",
  "SeriesDescription": "EcL4-3.2m-40-1474-1s-55e",
  "SeriesNumber": 11,
  "ShimSetting": [164, -103, 418, 965, -105, 208, -158, 232],
  "SliceThickness": 3.2,
  "SliceTiming": [0, 0.7025, 0.4025, 0.1, 0.8025, 0.5025, 0.2, 0.9025, 0.6025, 0.3, 0, 0.7025, 0.4025, 0.1, 0.8025, 0.5025, 0.2, 0.9025, 0.6025, 0.3, 0, 0.7025, 0.4025, 0.1, 0.8025, 0.5025, 0.2, 0.9025, 0.6025, 0.3, 0, 0.7025, 0.4025, 0.1, 0.8025, 0.5025, 0.2, 0.9025, 0.6025, 0.3],
  "SoftwareVersions": "syngo_MR_B17",
  "SpacingBetweenSlices": 3.2,
  "StationName": "MRC26099",
  "TaskName": "pulpfiction",
  "CogAtlasID": "http://www.cognitiveatlas.org/task/id/tsk_jbg1oF4D9OTkO/",
  "TotalReadoutTime": 0.0504006,
  "TxRefAmp": 219.282,
  "dcmmeta_affine": [
    [-3.203125, 0.0, 0.0, 102.5],
    [0.0, 3.1619207859039307, -0.5116198062896729, -83.15191650390625],
    [0.0, 0.5121194124221802, 3.1588361263275146, -44.59164810180664],
    [0.0, 0.0, 0.0, 1.0]
],
  "dcmmeta_reorient_transform": [
    [0.0, -1.0, 0.0, 63.0],
    [1.0, 0.0, 0.0, 0.0],
    [0.0, 0.0, 1.0, 0.0],
    [0.0, 0.0, 0.0, 1.0]
],
  "dcmmeta_shape": [64, 64, 40, 39],
  "dcmmeta_slice_dim": 2,
  "dcmmeta_version": 0.6,
  "global": {
    "const": {
      "AcquisitionMatrix": [64, 0, 0, 64],
      "AngioFlag": "N",
      "BitsAllocated": 16,
      "BitsStored": 12,
      "Columns": 448,
      "EchoNumbers": 1,
      "EchoTime": 54.8,
      "EchoTrainLength": 1,
      "FlipAngle": 75.0,
      "HighBit": 11,
      "ImageOrientationPatient": [1.0, 0.0, 0.0, 0.0, 0.98713626451576, -0.1598811911322],
      "ImagePositionPatient": [-717.5, -723.13789693392, 85.99880843988],
      "ImageType": [
        "ORIGINAL",
        "PRIMARY",
        "M",
        "MB",
        "ND",
        "MOSAIC"
],
      "ImagedNucleus": "1H",
      "ImagingFrequency": 63.639347,
      "InPlanePhaseEncodingDirection": "COL",
      "MRAcquisitionType": "2D",
      "MagneticFieldStrength": 1.5,
      "Manufacturer": "SIEMENS",
      "ManufacturerModelName": "Avanto",
      "Modality": "MR",
      "NumberOfAverages": 1.0,
      "NumberOfPhaseEncodingSteps": 64,
      "PercentPhaseFieldOfView": 100.0,
      "PercentSampling": 100.0,
      "PerformedProcedureStepStartTime": "154025.578000",
      "PhotometricInterpretation": "MONOCHROME2",
      "PixelBandwidth": 1474.0,
      "PixelRepresentation": 0,
      "PixelSpacing": [3.203125, 3.203125],
      "ProtocolName": "EcL4-3.2m-40-1474-1s-55e",
      "RepetitionTime": 1000.0,
      "Rows": 448,
      "SAR": 0.03882869992618,
      "SamplesPerPixel": 1,
      "ScanOptions": "FS",
      "ScanningSequence": "EP",
      "SequenceName": "epfid2d1_64",
      "SequenceVariant": [
        "SK",
        "SS"
],
      "SeriesDescription": "EcL4-3.2m-40-1474-1s-55e",
      "SeriesNumber": 11,
      "SeriesTime": "175523.375000",
      "SliceLocation": -30.723605798516,
      "SliceThickness": 3.2000000476837,
      "SmallestImagePixelValue": 0,
      "SoftwareVersions": "syngo MR B17",
      "SpacingBetweenSlices": 3.2000000227075,
      "SpecificCharacterSet": "ISO_IR 100",
      "StudyID": "1",
      "StudyTime": "154025.531000",
      "TransmitCoilName": "Body",
      "VariableFlipAngleFlag": "N",
      "WindowCenterWidthExplanation": "Algo1",
      "dBdt": 0.0},
    "slices": {}
  },
  "time": {
    "samples": {
      "AcquisitionNumber": [1, 2, 3, 4, 5, 6, 7, 8, 9, 10, 11, 12, 13, 14, 15, 16, 17, 18, 19, 20, 21, 22, 23, 24, 25, 26, 27, 28, 29, 30, 31, 32, 33, 34, 35, 36, 37, 38, 39],
      "AcquisitionTime": ["175437.485000", "175438.490000", "175439.492500", "175440.497500", "175441.500000", "175442.505000", "175443.510000", "175444.512500", "175445.517500", "175446.520000", "175447.525000", "175448.530000", "175449.532500", "175450.537500", "175451.542500", "175452.545000", "175453.550000", "175454.552500", "175455.557500", "175456.562500", "175457.565000", "175458.570000", "175459.572500", "175500.577500", "175501.582500", "175502.585000", "175503.590000", "175504.592500", "175505.597500", "175506.602500", "175507.605000", "175508.610000", "175509.612500", "175510.617500", "175511.622500", "175512.625000", "175513.630000", "175514.632500", "175515.637500"],
      "ContentTime": ["175523.375000", "175523.375000", "175523.390000", "175523.390000", "175523.390000", "175523.406000", "175523.406000", "175523.406000", "175523.406000", "175523.406000", "175523.406000", "175523.406000", "175523.421000", "175523.421000", "175523.421000", "175523.421000", "175523.421000", "175523.421000", "175523.437000", "175523.437000", "175523.437000", "175523.437000", "175523.453000", "175523.453000", "175523.453000", "175523.453000", "175523.453000", "175523.453000", "175523.468000", "175523.468000", "175523.468000", "175523.468000", "175523.468000", "175523.484000", "175523.500000", "175523.500000", "175523.500000", "175523.500000", "175523.500000"],
      "InstanceCreationTime": ["175523.375000", "175523.375000", "175523.390000", "175523.390000", "175523.390000", "175523.406000", "175523.406000", "175523.406000", "175523.406000", "175523.406000", "175523.406000", "175523.406000", "175523.421000", "175523.421000", "175523.421000", "175523.421000", "175523.421000", "175523.421000", "175523.437000", "175523.437000", "175523.437000", "175523.437000", "175523.453000", "175523.453000", "175523.453000", "175523.453000", "175523.453000", "175523.453000", "175523.468000", "175523.468000", "175523.468000", "175523.468000", "175523.468000", "175523.484000", "175523.500000", "175523.500000", "175523.500000", "175523.500000", "175523.500000"],
      "InstanceNumber": [1, 2, 3, 4, 5, 6, 7, 8, 9, 10, 11, 12, 13, 14, 15, 16, 17, 18, 19, 20, 21, 22, 23, 24, 25, 26, 27, 28, 29, 30, 31, 32, 33, 34, 35, 36, 37, 38, 39],
      "LargestImagePixelValue": [1333, 1339, 1352, 1373, 1365, 1365, 1380, 1371, 1390, 1380, 1391, 1323, 1326, 1357, 1366, 1376, 1369, 1380, 1396, 1374, 1398, 1384, 1368, 1376, 1342, 1351, 1360, 1361, 1354, 1340, 1342, 1332, 1341, 1330, 1330, 1329, 1323, 1341, 1307],
      "WindowCenter": [491.0, 491.0, 490.0, 492.0, 491.0, 492.0, 492.0, 492.0, 492.0, 489.0, 488.0, 486.0, 487.0, 489.0, 489.0, 490.0, 491.0, 490.0, 489.0, 489.0, 489.0, 488.0, 489.0, 488.0, 487.0, 490.0, 489.0, 491.0, 489.0, 488.0, 488.0, 489.0, 489.0, 488.0, 489.0, 488.0, 484.0, 485.0, 485.0],
      "WindowWidth": [1041.0, 1040.0, 1039.0, 1042.0, 1041.0, 1042.0, 1043.0, 1043.0, 1042.0, 1037.0, 1034.0, 1030.0, 1031.0, 1037.0, 1036.0, 1038.0, 1039.0, 1037.0, 1036.0, 1036.0, 1036.0, 1034.0, 1036.0, 1033.0, 1032.0, 1037.0, 1037.0, 1041.0, 1035.0, 1034.0, 1033.0, 1036.0, 1035.0, 1033.0, 1036.0, 1034.0, 1026.0, 1028.0, 1029.0]
    },
    "slices": {}
  }
}