{
  "aor": 0.002881776014647543,
  "aqi": 0.009499954333231614,
  "bids_meta": {
    "AcquisitionMatrixPE": 64,
    "AcquisitionNumber": 1,
    "BaseResolution": 64,
    "CogAtlasID": "TODO",
    "CoilString": "C:HEA;HEP",
    "ConversionSoftware": "dcm2niix",
    "ConversionSoftwareVersion": "v1.0.20190902",
    "DwellTime": 5.3e-06,
    "EchoTime": 0.0548,
    "FlipAngle": 75,
    "ImageType": [
      "ORIGINAL",
      "PRIMARY",
      "M",
      "MB",
      "ND",
      "MOSAIC"
    ],
    "InstitutionAddress": "Bedford_Way_26_London_London_GB_WC1H_0AP",
    "InstitutionName": "University_College",
    "InstitutionalDepartmentName": "Department",
    "MRAcquisitionType": "2D",
    "MagneticFieldStrength": 1.5,
    "Manufacturer": "Siemens",
    "ManufacturersModelName": "Avanto",
    "Modality": "MR",
    "MultibandAccelerationFactor": 4,
    "PartialFourier": 1,
    "PatientPosition": "HFS",
    "PercentPhaseFOV": 100,
    "PhaseEncodingDirection": "j-",
    "PhaseEncodingSteps": 64,
    "PhaseResolution": 1,
    "ProcedureStepDescription": "ucl_bbk_Jeremy",
    "ProtocolName": "EcL4-3.2m-40-1474-1s-55e",
    "ReceiveCoilName": "32Ch_Head",
    "ReconMatrixPE": 64,
    "RepetitionTime": 1,
    "ScanningSequence": "EP",
    "SequenceName": "epfid2d1_64",
    "SequenceVariant": "SK_SS",
    "SeriesDescription": "EcL4-3.2m-40-1474-1s-55e",
    "SliceThickness": 3.2,
    "SoftwareVersions": "syngo_MR_B17",
    "SpacingBetweenSlices": 3.2,
    "StationName": "MRC26099",
    "TaskName": "500daysofsummer",
    "dataset": "<unset>",
    "global": {
      "const": {
        "AcquisitionMatrix": [
          64,
          0,
          0,
          64
        ],
        "AngioFlag": "N",
        "EchoNumbers": 1,
        "EchoTime": 54.8,
        "EchoTrainLength": 1,
        "FlipAngle": 75.0,
        "ImageType": [
          "ORIGINAL",
          "PRIMARY",
          "M",
          "MB",
          "ND",
          "MOSAIC"
        ],
        "InPlanePhaseEncodingDirection": "COL",
        "MRAcquisitionType": "2D",
        "MagneticFieldStrength": 1.5,
        "Manufacturer": "SIEMENS",
        "ManufacturerModelName": "Avanto",
        "Modality": "MR",
        "NumberOfAverages": 1.0,
        "NumberOfPhaseEncodingSteps": 64,
        "PercentPhaseFieldOfView": 100.0,
        "PercentSampling": 100.0,
        "PhotometricInterpretation": "MONOCHROME2",
        "PixelSpacing": [
          3.203125,
          3.203125
        ],
        "ProtocolName": "EcL4-3.2m-40-1474-1s-55e",
        "RepetitionTime": 1000.0,
        "SamplesPerPixel": 1,
        "ScanOptions": "FS",
        "ScanningSequence": "EP",
        "SequenceName": "epfid2d1_64",
        "SequenceVariant": [
          "SK",
          "SS"
        ],
        "SeriesDescription": "EcL4-3.2m-40-1474-1s-55e",
        "SoftwareVersions": "syngo MR B17",
        "StudyID": "1",
        "TransmitCoilName": "Body",
        "VariableFlipAngleFlag": "N",
        "WindowCenterWidthExplanation": "Algo1",
        "dBdt": 0.0
      },
      "slices": {}
    },
    "modality": "bold",
    "run_id": 1,
    "subject_id": "9",
    "task_id": "500daysofsummer"
  },
  "dummy_trs": 0,
  "dvars_nstd": 31.22148604341575,
  "dvars_std": 1.040319946663614,
  "dvars_vstd": 1.7329719568772903,
  "efc": 0.4346009946370247,
  "fber": 699230.25,
  "fd_mean": 0.23018076795425796,
  "fd_num": 191,
  "fd_perc": 5.828501678364358,
  "fwhm_avg": 2.8316214095463805,
  "fwhm_x": 2.626331902074905,
  "fwhm_y": 3.099232780487805,
  "fwhm_z": 2.769299546076432,
  "gcor": 0.0144873,
  "gsr_x": 0.009604884311556816,
  "gsr_y": 0.007166170049458742,
  "provenance": {
    "md5sum": "1e36fbbe0c24803288194e780afb30bc",
    "settings": {
      "fd_thres": 0.5,
      "hmc_fsl": false,
      "testing": false
    },
    "software": "mriqc",
    "version": "0.15.2",
    "webapi_port": null,
    "webapi_url": "https://mriqc.nimh.nih.gov/api/v1"
  },
  "size_t": 3277,
  "size_x": 64,
  "size_y": 64,
  "size_z": 40,
  "snr": 2.8160392484513674,
  "spacing_tr": 1.0,
  "spacing_x": 3.203125238418579,
  "spacing_y": 3.203125,
  "spacing_z": 3.200000524520874,
  "summary_bg_k": 73.55459691138063,
  "summary_bg_mad": 0.624655410722706,
  "summary_bg_mean": 4.007448196411133,
  "summary_bg_median": 0.4472503066062927,
  "summary_bg_n": 94808.0,
  "summary_bg_p05": 0.005219438252970579,
  "summary_bg_p95": 19.49767398834228,
  "summary_bg_stdv": 14.222332954406738,
  "summary_fg_k": -0.15233660730873222,
  "summary_fg_mad": 150.0720750561283,
  "summary_fg_mean": 429.57684326171875,
  "summary_fg_median": 417.2478332519531,
  "summary_fg_n": 35008.0,
  "summary_fg_p05": 205.84265518188477,
  "summary_fg_p95": 688.7518951416016,
  "summary_fg_stdv": 148.1662139892578,
  "tsnr": 27.642539978027344
}