{
  "aor": 0.0011777175843694493,
  "aqi": 0.0028323661367673177,
  "bids_meta": {
    "AcquisitionMatrixPE": 64,
    "AcquisitionNumber": 1,
    "AcquisitionTime": "11:11:11.000000",
    "BandwidthPerPixelPhaseEncode": 19.531,
    "BaseResolution": 64,
    "CogAtlasID": "TODO",
    "CoilString": "C:HEA;HEP",
    "ConversionSoftware": "dcm2niix",
    "ConversionSoftwareVersion": "v1.0.20190902",
    "DerivedVendorReportedEchoSpacing": 0.00080001,
    "DeviceSerialNumber": "26099",
    "DwellTime": 5.3e-06,
    "EchoTime": 0.0548,
    "EffectiveEchoSpacing": 0.00080001,
    "FlipAngle": 75,
    "ImageType": [
      "ORIGINAL",
      "PRIMARY",
      "M",
      "MB",
      "ND",
      "MOSAIC"
    ],
    "InstitutionAddress": "Bedford_Way_26_London_London_GB_WC1H_0AP",
    "InstitutionName": "University_College",
    "InstitutionalDepartmentName": "Department",
    "MRAcquisitionType": "2D",
    "MagneticFieldStrength": 1.5,
    "Manufacturer": "Siemens",
    "ManufacturersModelName": "Avanto",
    "Modality": "MR",
    "MultibandAccelerationFactor": 4,
    "PartialFourier": 1,
    "PatientPosition": "HFS",
    "PercentPhaseFOV": 100,
    "PhaseEncodingDirection": "j-",
    "PhaseEncodingSteps": 64,
    "PhaseResolution": 1,
    "ProcedureStepDescription": "ucl_bbk_Jeremy",
    "ProtocolName": "EcL4-3.2m-40-1474-1s-55e",
    "ReceiveCoilName": "32Ch_Head",
    "ReconMatrixPE": 64,
    "RepetitionTime": 1,
    "ScanningSequence": "EP",
    "SequenceName": "epfid2d1_64",
    "SequenceVariant": "SK_SS",
    "SeriesDescription": "EcL4-3.2m-40-1474-1s-55e",
    "ShimSetting": [
      113,
      -32,
      365,
      831,
      115,
      1102,
      -476,
      23
    ],
    "SliceThickness": 3.2,
    "SoftwareVersions": "syngo_MR_B17",
    "SpacingBetweenSlices": 3.2,
    "StationName": "MRC26099",
    "TaskName": "500daysofsummer",
    "dataset": "<unset>",
    "global": {
      "const": {
        "AcquisitionMatrix": [
          64,
          0,
          0,
          64
        ],
        "AngioFlag": "N",
        "EchoNumbers": 1,
        "EchoTime": 54.8,
        "EchoTrainLength": 1,
        "FlipAngle": 75.0,
        "ImageType": [
          "ORIGINAL",
          "PRIMARY",
          "M",
          "MB",
          "ND",
          "MOSAIC"
        ],
        "InPlanePhaseEncodingDirection": "COL",
        "MRAcquisitionType": "2D",
        "MagneticFieldStrength": 1.5,
        "Manufacturer": "SIEMENS",
        "ManufacturerModelName": "Avanto",
        "Modality": "MR",
        "NumberOfAverages": 1.0,
        "NumberOfPhaseEncodingSteps": 64,
        "PercentPhaseFieldOfView": 100.0,
        "PercentSampling": 100.0,
        "PhotometricInterpretation": "MONOCHROME2",
        "PixelSpacing": [
          3.203125,
          3.203125
        ],
        "ProtocolName": "EcL4-3.2m-40-1474-1s-55e",
        "RepetitionTime": 1000.0,
        "SamplesPerPixel": 1,
        "ScanOptions": "FS",
        "ScanningSequence": "EP",
        "SequenceName": "epfid2d1_64",
        "SequenceVariant": [
          "SK",
          "SS"
        ],
        "SeriesDescription": "EcL4-3.2m-40-1474-1s-55e",
        "SoftwareVersions": "syngo MR B17",
        "StudyID": "1",
        "TransmitCoilName": "Body",
        "VariableFlipAngleFlag": "N",
        "WindowCenterWidthExplanation": "Algo1",
        "dBdt": 0.0
      },
      "slices": {}
    },
    "modality": "bold",
    "run_id": 4,
    "subject_id": "24",
    "task_id": "citizenfour"
  },
  "dummy_trs": 0,
  "dvars_nstd": 24.334794937111074,
  "dvars_std": 1.0509424200533342,
  "dvars_vstd": 24.079271292888887,
  "efc": 0.474448934953749,
  "fber": 15672945.0,
  "fd_mean": 0.08972636632320048,
  "fd_num": 0,
  "fd_perc": 0.0,
  "fwhm_avg": 2.7366634481707712,
  "fwhm_x": 2.514182243902439,
  "fwhm_y": 2.9294862668312827,
  "fwhm_z": 2.7663218337785924,
  "gcor": 0.00503427,
  "gsr_x": 0.0167841874063015,
  "gsr_y": 0.007187411654740572,
  "provenance": {
    "md5sum": "385794888400c3dd81d67446fd499c7f",
    "settings": {
      "fd_thres": 0.5,
      "hmc_fsl": false,
      "testing": false
    },
    "software": "mriqc",
    "version": "0.15.2",
    "webapi_port": null,
    "webapi_url": "https://mriqc.nimh.nih.gov/api/v1"
  },
  "size_t": 1126,
  "size_x": 64,
  "size_y": 64,
  "size_z": 40,
  "snr": 2.660572222310952,
  "spacing_tr": 1.0,
  "spacing_x": 3.203125,
  "spacing_y": 3.203124761581421,
  "spacing_z": 3.200000047683716,
  "summary_bg_k": 55.35743510200996,
  "summary_bg_mad": 0.13200821176214406,
  "summary_bg_mean": 7.948859214782715,
  "summary_bg_median": 0.08903818577528,
  "summary_bg_n": 88618.0,
  "summary_bg_p05": 0.0,
  "summary_bg_p95": 54.16036205291735,
  "summary_bg_stdv": 31.62512969970703,
  "summary_fg_k": -0.09681023271794675,
  "summary_fg_mad": 172.24728965606337,
  "summary_fg_mean": 463.2815856933594,
  "summary_fg_median": 448.58343505859375,
  "summary_fg_n": 40172.0,
  "summary_fg_p05": 211.7137275695801,
  "summary_fg_p95": 759.5525543212889,
  "summary_fg_stdv": 168.60202026367188,
  "tsnr": 49.380592346191406
}