{
  "aor": 0.004212825651302605,
  "aqi": 0.005951649283567134,
  "bids_meta": {
    "AcquisitionMatrixPE": 64,
    "AcquisitionNumber": 1,
    "AcquisitionTime": "11:11:11.000000",
    "BandwidthPerPixelPhaseEncode": 19.531,
    "BaseResolution": 64,
    "CogAtlasID": "TODO",
    "CoilString": "C:HEA;HEP",
    "ConversionSoftware": "dcm2niix",
    "ConversionSoftwareVersion": "v1.0.20190902",
    "DerivedVendorReportedEchoSpacing": 0.00080001,
    "DeviceSerialNumber": "26099",
    "DwellTime": 5.3e-06,
    "EchoTime": 0.0548,
    "EffectiveEchoSpacing": 0.00080001,
    "FlipAngle": 75,
    "ImageType": [
      "ORIGINAL",
      "PRIMARY",
      "M",
      "MB",
      "ND",
      "MOSAIC"
    ],
    "InstitutionAddress": "Bedford_Way_26_London_London_GB_WC1H_0AP",
    "InstitutionName": "University_College",
    "InstitutionalDepartmentName": "Department",
    "MRAcquisitionType": "2D",
    "MagneticFieldStrength": 1.5,
    "Manufacturer": "Siemens",
    "ManufacturersModelName": "Avanto",
    "Modality": "MR",
    "MultibandAccelerationFactor": 4,
    "PartialFourier": 1,
    "PatientPosition": "HFS",
    "PercentPhaseFOV": 100,
    "PhaseEncodingDirection": "j-",
    "PhaseEncodingSteps": 64,
    "PhaseResolution": 1,
    "ProcedureStepDescription": "ucl_bbk_Jeremy",
    "ProtocolName": "EcL4-3.2m-40-1474-1s-55e",
    "ReceiveCoilName": "32Ch_Head",
    "ReconMatrixPE": 64,
    "RepetitionTime": 1,
    "ScanningSequence": "EP",
    "SequenceName": "epfid2d1_64",
    "SequenceVariant": "SK_SS",
    "SeriesDescription": "EcL4-3.2m-40-1474-1s-55e",
    "ShimSetting": [
      113,
      -32,
      365,
      831,
      115,
      1102,
      -476,
      23
    ],
    "SliceThickness": 3.2,
    "SoftwareVersions": "syngo_MR_B17",
    "SpacingBetweenSlices": 3.2,
    "StationName": "MRC26099",
    "TaskName": "12yearsaslave",
    "dataset": "<unset>",
    "global": {
      "const": {
        "AcquisitionMatrix": [
          64,
          0,
          0,
          64
        ],
        "AngioFlag": "N",
        "EchoNumbers": 1,
        "EchoTime": 54.8,
        "EchoTrainLength": 1,
        "FlipAngle": 75.0,
        "ImageType": [
          "ORIGINAL",
          "PRIMARY",
          "M",
          "MB",
          "ND",
          "MOSAIC"
        ],
        "InPlanePhaseEncodingDirection": "COL",
        "MRAcquisitionType": "2D",
        "MagneticFieldStrength": 1.5,
        "Manufacturer": "SIEMENS",
        "ManufacturerModelName": "Avanto",
        "Modality": "MR",
        "NumberOfAverages": 1.0,
        "NumberOfPhaseEncodingSteps": 64,
        "PercentPhaseFieldOfView": 100.0,
        "PercentSampling": 100.0,
        "PhotometricInterpretation": "MONOCHROME2",
        "PixelSpacing": [
          3.203125,
          3.203125
        ],
        "ProtocolName": "EcL4-3.2m-40-1474-1s-55e",
        "RepetitionTime": 1000.0,
        "SamplesPerPixel": 1,
        "ScanOptions": "FS",
        "ScanningSequence": "EP",
        "SequenceName": "epfid2d1_64",
        "SequenceVariant": [
          "SK",
          "SS"
        ],
        "SeriesDescription": "EcL4-3.2m-40-1474-1s-55e",
        "SoftwareVersions": "syngo MR B17",
        "StudyID": "1",
        "TransmitCoilName": "Body",
        "VariableFlipAngleFlag": "N",
        "WindowCenterWidthExplanation": "Algo1",
        "dBdt": 0.0
      },
      "slices": {}
    },
    "modality": "bold",
    "run_id": 3,
    "subject_id": "83",
    "task_id": "12yearsaslave"
  },
  "dummy_trs": 0,
  "dvars_nstd": 27.23491983339847,
  "dvars_std": 1.098009844516289,
  "dvars_vstd": 1.2975144410526298,
  "efc": 0.4225908062256593,
  "fber": 10499641.0,
  "fd_mean": 0.15561867506466912,
  "fd_num": 17,
  "fd_perc": 0.8517034068136272,
  "fwhm_avg": 2.769793565378174,
  "fwhm_x": 2.594819121951219,
  "fwhm_y": 2.884320780487805,
  "fwhm_z": 2.830240793695497,
  "gcor": 0.0379709,
  "gsr_x": 0.008060761727392673,
  "gsr_y": 0.006384011823683977,
  "provenance": {
    "md5sum": "9fcc144b75fee70e76dec437566776ed",
    "settings": {
      "fd_thres": 0.5,
      "hmc_fsl": false,
      "testing": false
    },
    "software": "mriqc",
    "version": "0.15.2",
    "webapi_port": null,
    "webapi_url": "https://mriqc.nimh.nih.gov/api/v1"
  },
  "size_t": 1996,
  "size_x": 64,
  "size_y": 64,
  "size_z": 40,
  "snr": 2.7117583060933907,
  "spacing_tr": 1.0,
  "spacing_x": 3.203125,
  "spacing_y": 3.203125,
  "spacing_z": 3.1999998092651367,
  "summary_bg_k": 85.80629751731703,
  "summary_bg_mad": 0.17060481801592833,
  "summary_bg_mean": 3.8616936206817627,
  "summary_bg_median": 0.11553025990724564,
  "summary_bg_n": 97065.0,
  "summary_bg_p05": 0.0,
  "summary_bg_p95": 22.66121177673341,
  "summary_bg_stdv": 16.199174880981445,
  "summary_fg_k": 0.4284331787852489,
  "summary_fg_mad": 155.51197823401978,
  "summary_fg_mean": 459.7393798828125,
  "summary_fg_median": 439.0345764160156,
  "summary_fg_n": 33093.0,
  "summary_fg_p05": 237.9680389404297,
  "summary_fg_p95": 763.6360839843749,
  "summary_fg_stdv": 161.89788818359375,
  "tsnr": 37.06549072265625
}